##TITLE=Parameter List
##JCAMPDX=4.24
##DATATYPE=Parameter Values
##ORIGIN=Bruker BioSpin MRI GmbH
##OWNER=mri
$$ Wed Mar  6 15:58:24 2019 CET (UT+1h)  mri
$$ /BiospecData/data/mri/nmr/sp190306.Sa4/14/pdata/1/visu_pars
##$VisuVersion=1
##$VisuUid=( 65 )
<2.16.756.5.5.100.1839078967.21029.1551884303.1>
##$VisuCreator=( 65 )
<ParaVision>
##$VisuCreatorVersion=( 65 )
<5.1>
##$VisuCreationDate=( 21 )
<15:58:23  6 Mar 2019>
$$ @vis= VisuVersion VisuUid VisuCreator VisuCreatorVersion VisuCreationDate
##$VisuCoreFrameCount=2
##$VisuCoreDim=3
##$VisuCoreSize=( 3 )
2048 32 32
##$VisuCoreDimDesc=( 3 )
spectroscopic spatial spatial
$$ @vis= VisuInstance VisuCoreFrameCount VisuCoreDim VisuCoreSize
##$VisuCoreExtent=( 3 )
13.3400057448782 17.6 17.6
##$VisuCoreFrameThickness=( 1 )
1
##$VisuCoreUnits=( 3, 65 )
<ppm> <mm> <mm>
##$VisuCoreOrientation=( 1, 9 )
1 0 0 0 0 -1 0 1 0
$$ @vis= VisuCoreDimDesc VisuCoreExtent VisuCoreFrameThickness VisuCoreUnits
##$VisuCorePosition=( 1, 3 )
-8.3 -1 7.9
##$VisuCoreDataMin=( 2 )
-2147483264 -2147483264
##$VisuCoreDataMax=( 2 )
1633585920 1633585920
##$VisuCoreDataOffs=( 2 )
0 0
$$ @vis= VisuCoreOrientation VisuCorePosition VisuCoreDataMin VisuCoreDataMax
##$VisuCoreDataSlope=( 2 )
0.000196367997462557 0.000196367997462557
##$VisuCoreFrameType=COMPLEX_IMAGE
##$VisuFGElemId=( 2, 65 )
<COMPLEX_REAL> <COMPLEX_IMAG>
##$VisuFGElemComment=( 2, 65 )
<Real Images> <Imaginary Images>
$$ @vis= VisuCoreDataOffs VisuCoreDataSlope VisuCoreFrameType VisuFGElemId
##$VisuCoreWordType=_32BIT_SGN_INT
##$VisuCoreByteOrder=littleEndian
$$ @vis= VisuFGElemComment VisuCore VisuCoreWordType VisuCoreByteOrder
##$VisuFGOrderDescDim=1
##$VisuFGOrderDesc=( 1 )
(2, <FG_COMPLEX>, <>, 0, 2)
##$VisuGroupDepVals=( 2 )
(<VisuFGElemId>, 0) (<VisuFGElemComment>, 0)
$$ @vis= VisuPixel VisuFGOrderDescDim VisuFGOrderDesc VisuGroupDepVals
##$VisuSubjectName=( 65 )
<ShuPi>
##$VisuSubjectId=( 65 )
<sp190306>
##$VisuSubjectBirthDate=( 9 )
<>
##$VisuSubjectSex=FEMALE
$$ @vis= VisuFrameOrderDesc VisuSubjectName VisuSubjectId VisuSubjectBirthDate
##$VisuSubjectComment=( 2048 )
<>
##$VisuStudyUid=( 65 )
<2.16.756.5.5.100.1839078967.23023.1551875448.8924>
##$VisuStudyDate=( 21 )
<13:30:48  6 Mar 2019>
$$ @vis= VisuSubjectSex VisuSubjectComment VisuSubject VisuStudyUid
##$VisuStudyId=( 65 )
<c1361day20>
##$VisuStudyNumber=4
##$VisuSubjectWeight=5
##$VisuStudyReferringPhysician=( 65 )
<>
$$ @vis= VisuStudyDate VisuStudyId VisuStudyNumber VisuSubjectWeight
##$VisuStudyDescription=( 65 )
<>
##$VisuSeriesNumber=917505
$$ @vis= VisuStudyReferringPhysician VisuStudyDescription VisuStudy
##$VisuSubjectPosition=Head_Supine
##$VisuSeriesTypeId=( 65 )
<ACQ_BRUKER_PVM>
##$VisuAcqSoftwareVersion=( 65 )
<5.1>
$$ @vis= VisuSeriesNumber VisuSubjectPosition VisuSeriesTypeId VisuSeries
##$VisuInstitution=( 65 )
<UAB>
##$VisuStation=( 65 )
<BioSpec 70/30>
##$VisuAcqDate=( 21 )
<15:17:04  6 Mar 2019>
$$ @vis= VisuAcqSoftwareVersion VisuInstitution VisuStation VisuEquipment
##$VisuAcqEchoTrainLength=1
##$VisuAcqSequenceName=( 40 )
<CSI (pvm)>
##$VisuAcqNumberOfAverages=1
$$ @vis= VisuAcqDate VisuAcqEchoTrainLength VisuAcqSequenceName
##$VisuAcqImagingFrequency=300.330474591324
##$VisuAcqImagedNucleus=( 8 )
<1H>
##$VisuAcqRepetitionTime=( 1 )
2500
$$ @vis= VisuAcqNumberOfAverages VisuAcqImagingFrequency VisuAcqImagedNucleus
##$VisuAcqPhaseEncSteps=13
##$VisuAcqPixelBandwidth=1.95625500801282
##$VisuAcqFlipAngle=90
$$ @vis= VisuAcqRepetitionTime VisuAcqPhaseEncSteps VisuAcqPixelBandwidth
##$VisuAcqSize=( 3 )
2048 13 13
##$VisuAcqImageSizeAccellerated=No
##$VisuAcqImagePhaseEncDir=( 2 )
row_col_dir row_col_dir
$$ @vis= VisuAcqFlipAngle VisuAcqSize VisuAcqImageSizeAccellerated
##$VisuAcquisitionProtocol=( 65 )
<ppCSI_14ms_01_vox12x12_Pixelstardard550micras>
##$VisuAcqScanTime=1290000
$$ @vis= VisuAcqImagePhaseEncDir VisuAcquisitionProtocol VisuAcqScanTime
$$ @vis= VisuAcquisition Visu
##END=
