##TITLE=Parameter List
##JCAMPDX=4.24
##DATATYPE=Parameter Values
##ORIGIN=Bruker BioSpin MRI GmbH
##OWNER=mri
$$ Mon Apr  8 14:57:25 2019 CEST (UT+2h)  mri
$$ /BiospecData/data/mri/nmr/sp190408.SH1/36/pdata/1/visu_pars
##$VisuVersion=1
##$VisuUid=( 65 )
<2.16.756.5.5.100.1839078967.6521.1554728244.1>
##$VisuCreator=( 65 )
<ParaVision>
##$VisuCreatorVersion=( 65 )
<5.1>
##$VisuCreationDate=( 21 )
<14:35:54  8 Apr 2019>
$$ @vis= VisuVersion VisuUid VisuCreator VisuCreatorVersion VisuCreationDate
##$VisuCoreFrameCount=1
##$VisuCoreDim=3
##$VisuCoreSize=( 3 )
2048 32 32
##$VisuCoreDimDesc=( 3 )
spectroscopic spatial spatial
$$ @vis= VisuInstance VisuCoreFrameCount VisuCoreDim VisuCoreSize
##$VisuCoreExtent=( 3 )
13.3399564039748 17.6 17.6
##$VisuCoreFrameThickness=( 1 )
1
##$VisuCoreUnits=( 3, 65 )
<ppm> <mm> <mm>
##$VisuCoreOrientation=( 1, 9 )
1 0 0 0 0 -1 0 1 0
$$ @vis= VisuCoreDimDesc VisuCoreExtent VisuCoreFrameThickness VisuCoreUnits
##$VisuCorePosition=( 1, 3 )
-9.7 0.6 7.7
##$VisuCoreDataMin=( 1 )
50167
##$VisuCoreDataMax=( 1 )
2147483392
##$VisuCoreDataOffs=( 1 )
0
$$ @vis= VisuCoreOrientation VisuCorePosition VisuCoreDataMin VisuCoreDataMax
##$VisuCoreDataSlope=( 1 )
0.0017541085421039
##$VisuCoreFrameType=MAGNITUDE_IMAGE
##$VisuCoreWordType=_32BIT_SGN_INT
$$ @vis= VisuCoreDataOffs VisuCoreDataSlope VisuCoreFrameType VisuCore
##$VisuCoreByteOrder=littleEndian
##$VisuSubjectName=( 65 )
<ShuPI>
$$ @vis= VisuCoreWordType VisuCoreByteOrder VisuPixel VisuFrameOrderDesc
##$VisuSubjectId=( 65 )
<sp190408>
##$VisuSubjectBirthDate=( 9 )
<>
##$VisuSubjectSex=FEMALE
##$VisuSubjectComment=( 2048 )
<>
$$ @vis= VisuSubjectName VisuSubjectId VisuSubjectBirthDate VisuSubjectSex
##$VisuStudyUid=( 65 )
<2.16.756.5.5.100.1839078967.15426.1554717485.7651>
##$VisuStudyDate=( 21 )
<12:58:05  8 Apr 2019>
##$VisuStudyId=( 65 )
<C1380_Day33>
##$VisuStudyNumber=1
$$ @vis= VisuSubjectComment VisuSubject VisuStudyUid VisuStudyDate VisuStudyId
##$VisuSubjectWeight=5
##$VisuStudyReferringPhysician=( 65 )
<>
##$VisuStudyDescription=( 65 )
<>
$$ @vis= VisuStudyNumber VisuSubjectWeight VisuStudyReferringPhysician
##$VisuSeriesNumber=2359297
##$VisuSubjectPosition=Head_Supine
##$VisuSeriesTypeId=( 65 )
<ACQ_BRUKER_PVM>
$$ @vis= VisuStudyDescription VisuStudy VisuSeriesNumber VisuSubjectPosition
##$VisuAcqSoftwareVersion=( 65 )
<5.1>
##$VisuInstitution=( 65 )
<UAB>
##$VisuStation=( 65 )
<BioSpec 70/30>
$$ @vis= VisuSeriesTypeId VisuSeries VisuAcqSoftwareVersion VisuInstitution
##$VisuAcqDate=( 21 )
<14:35:54  8 Apr 2019>
##$VisuAcqEchoTrainLength=1
##$VisuAcqSequenceName=( 40 )
<CSI (pvm)>
$$ @vis= VisuStation VisuEquipment VisuAcqDate VisuAcqEchoTrainLength
##$VisuAcqNumberOfAverages=1
##$VisuAcqImagingFrequency=300.331585432805
##$VisuAcqImagedNucleus=( 8 )
<1H>
$$ @vis= VisuAcqSequenceName VisuAcqNumberOfAverages VisuAcqImagingFrequency
##$VisuAcqRepetitionTime=( 1 )
2500
##$VisuAcqPhaseEncSteps=13
##$VisuAcqPixelBandwidth=1.95625500801282
$$ @vis= VisuAcqImagedNucleus VisuAcqRepetitionTime VisuAcqPhaseEncSteps
##$VisuAcqFlipAngle=90
##$VisuAcqSize=( 3 )
2048 13 13
##$VisuAcqImageSizeAccellerated=No
$$ @vis= VisuAcqPixelBandwidth VisuAcqFlipAngle VisuAcqSize
##$VisuAcqImagePhaseEncDir=( 1 )
row_col_dir
##$VisuAcquisitionProtocol=( 65 )
<ppCSI_14ms_01_vox12x12_Pixelstardard550micras>
$$ @vis= VisuAcqImageSizeAccellerated VisuAcqImagePhaseEncDir
##$VisuAcqScanTime=1290000
$$ @vis= VisuAcquisitionProtocol VisuAcqScanTime VisuAcquisition Visu
##END=
