##TITLE=Parameter List
##JCAMPDX=4.24
##DATATYPE=Parameter Values
##ORIGIN=Bruker BioSpin MRI GmbH
##OWNER=mri
$$ Thu May 17 11:03:09 2018 CEST (UT+2h)  mri
$$ /BiospecData/data/mri/nmr/lsp180517.Nq2/5/pdata/1/visu_pars
##$VisuVersion=1
##$VisuUid=( 65 )
<2.16.756.5.5.100.1839078967.12116.1526547789.3>
##$VisuCreator=( 65 )
<ParaVision>
##$VisuCreatorVersion=( 65 )
<5.1>
##$VisuCreationDate=( 21 )
<10:55:50 17 May 2018>
$$ @vis= VisuVersion VisuUid VisuCreator VisuCreatorVersion VisuCreationDate
##$VisuCoreFrameCount=10
##$VisuCoreDim=2
##$VisuCoreSize=( 2 )
256 256
##$VisuCoreDimDesc=( 2 )
spatial spatial
$$ @vis= VisuInstance VisuCoreFrameCount VisuCoreDim VisuCoreSize
##$VisuCoreExtent=( 2 )
19.2 19.2
##$VisuCoreFrameThickness=( 1 )
0.5
##$VisuCoreUnits=( 2, 65 )
<mm> <mm>
##$VisuCoreOrientation=( 10, 9 )
1 0 0 0 0 -1 0 1 0 1 0 0 0 0 -1 0 1 0 1 0 0 0 0 -1 0 1 0 1 0 0 0 0 -1 0 1 0 1 
0 0 0 0 -1 0 1 0 1 0 0 0 0 -1 0 1 0 1 0 0 0 0 -1 0 1 0 1 0 0 0 0 -1 0 1 0 1 0 
0 0 0 -1 0 1 0 1 0 0 0 0 -1 0 1 0
$$ @vis= VisuCoreDimDesc VisuCoreExtent VisuCoreFrameThickness VisuCoreUnits
##$VisuCorePosition=( 10, 3 )
-9.6 2.8 10 -9.6 2.2 10 -9.6 1.6 10 -9.6 1 10 -9.6 0.4 10 -9.6 -0.2 10 -9.6 
-0.8 10 -9.6 -1.4 10 -9.6 -2 10 -9.6 -2.6 10
##$VisuCoreDataMin=( 10 )
55 55 55 55 55 55 55 55 55 55
##$VisuCoreDataMax=( 10 )
13014 14771 31863 16474 12325 17185 19357 32766 32766 24284
##$VisuCoreDataOffs=( 10 )
0 0 0 0 0 0 0 0 0 0
$$ @vis= VisuCoreOrientation VisuCorePosition VisuCoreDataMin VisuCoreDataMax
##$VisuCoreDataSlope=( 10 )
178.422283688025 178.422283688025 178.422283688025 178.422283688025 
178.422283688025 178.422283688025 178.422283688025 178.422283688025 
178.422283688025 178.422283688025
##$VisuCoreFrameType=MAGNITUDE_IMAGE
##$VisuCoreWordType=_16BIT_SGN_INT
$$ @vis= VisuCoreDataOffs VisuCoreDataSlope VisuCoreFrameType VisuCore
##$VisuCoreByteOrder=littleEndian
##$VisuFGOrderDescDim=1
##$VisuFGOrderDesc=( 1 )
(10, <FG_SLICE>, <>, 0, 2)
$$ @vis= VisuCoreWordType VisuCoreByteOrder VisuPixel VisuFGOrderDescDim
##$VisuGroupDepVals=( 2 )
(<VisuCoreOrientation>, 0) (<VisuCorePosition>, 0)
##$VisuSubjectName=( 65 )
<shuang>
##$VisuSubjectId=( 65 )
<lsp180517>
$$ @vis= VisuFGOrderDesc VisuGroupDepVals VisuFrameOrderDesc VisuSubjectName
##$VisuSubjectBirthDate=( 9 )
<>
##$VisuSubjectSex=FEMALE
##$VisuSubjectComment=( 2048 )
<>
$$ @vis= VisuSubjectId VisuSubjectBirthDate VisuSubjectSex VisuSubjectComment
##$VisuStudyUid=( 65 )
<2.16.756.5.5.100.1839078967.2423.1526546034.6426>
##$VisuStudyDate=( 21 )
<11:33:54 17 May 2018>
##$VisuStudyId=( 65 )
<c1281day23>
##$VisuStudyNumber=2
##$VisuSubjectWeight=5
$$ @vis= VisuSubject VisuStudyUid VisuStudyDate VisuStudyId VisuStudyNumber
##$VisuStudyReferringPhysician=( 65 )
<>
##$VisuStudyDescription=( 65 )
<>
$$ @vis= VisuSubjectWeight VisuStudyReferringPhysician VisuStudyDescription
##$VisuSeriesNumber=327681
##$VisuSubjectPosition=Head_Supine
##$VisuSeriesTypeId=( 65 )
<ACQ_BRUKER_PVM>
$$ @vis= VisuStudy VisuSeriesNumber VisuSubjectPosition VisuSeriesTypeId
##$VisuAcqSoftwareVersion=( 65 )
<5.1>
##$VisuInstitution=( 65 )
<UAB>
##$VisuStation=( 65 )
<BioSpec 70/30>
$$ @vis= VisuSeries VisuAcqSoftwareVersion VisuInstitution VisuStation
##$VisuAcqDate=( 21 )
<10:55:50 17 May 2018>
##$VisuAcqEchoTrainLength=8
##$VisuAcqSequenceName=( 40 )
<RARE (pvm)>
##$VisuAcqNumberOfAverages=4
$$ @vis= VisuEquipment VisuAcqDate VisuAcqEchoTrainLength VisuAcqSequenceName
##$VisuAcqImagingFrequency=300.33096653978
##$VisuAcqImagedNucleus=( 8 )
<1H>
##$VisuAcqRepetitionTime=( 1 )
4200
$$ @vis= VisuAcqNumberOfAverages VisuAcqImagingFrequency VisuAcqImagedNucleus
##$VisuAcqPhaseEncSteps=192
##$VisuAcqPixelBandwidth=183.10546875
##$VisuAcqFlipAngle=180
$$ @vis= VisuAcqRepetitionTime VisuAcqPhaseEncSteps VisuAcqPixelBandwidth
##$VisuAcqSize=( 2 )
192 256
##$VisuAcqImageSizeAccellerated=Yes
##$VisuAcqImagePhaseEncDir=( 10 )
row_dir row_dir row_dir row_dir row_dir row_dir row_dir row_dir row_dir 
row_dir
$$ @vis= VisuAcqFlipAngle VisuAcqSize VisuAcqImageSizeAccellerated
##$VisuAcqEchoTime=( 1 )
36
##$VisuAcquisitionProtocol=( 65 )
<000_PV51_04_T2_HighRes_ax_tRARE>
##$VisuAcqScanTime=403200
$$ @vis= VisuAcqImagePhaseEncDir VisuAcqEchoTime VisuAcquisitionProtocol
$$ @vis= VisuAcqScanTime VisuAcquisition Visu
##END=
