##TITLE=Parameter List
##JCAMPDX=4.24
##DATATYPE=Parameter Values
##ORIGIN=Bruker BioSpin MRI GmbH
##OWNER=mri
$$ Sun Mar 25 16:18:19 2018 CEST (UT+2h)  mri
$$ /BiospecData/data/mri/nmr/luc180325.Mz1/24/pdata/1/d3proc
##$SEQTYPE=slices
##$DATTYPE=ip_int
##$IM_SIX=2048
##$IM_SIY=32
##$IM_SIZ=32
##$IM_SIT=1
##$SIM_SIX=2048
##$SIM_SIY=32
##$SIM_SIZ=32
##$SIM_SIT=1
$$ @vis= SEQTYPE DATTYPE IM_SIX IM_SIY IM_SIZ IM_SIT SIM_SIX SIM_SIY SIM_SIZ
##$SIM_X0=0
##$SIM_Y0=0
##$SIM_Z0=0
##$SIM_T0=0
##$CEN_SLC=16
##$THRESH=( 16 )
60 255 0 0 0 0 0 0 0 0 0 0 0 0 0 0
##$D3_DESC=( 128 )
<>
##$PR_STA=( 16 )
1.76 1.76 1.76 0 0 0 0 0 0 0 0 0 0 0 0 0
##$PR_STP=( 16 )
0 0 0 0 0 0 0 0 0 0 0 0 0 0 8 32
$$ @vis= SIM_SIT SIM_X0 SIM_Y0 SIM_Z0 SIM_T0 CEN_SLC THRESH D3_DESC PR_STA
$$ @vis= PR_STP
##END=
