##TITLE=Parameter List
##JCAMPDX=4.24
##DATATYPE=Parameter Values
##ORIGIN=Bruker BioSpin MRI GmbH
##OWNER=mri
$$ Sun Mar 25 16:18:19 2018 CEST (UT+2h)  mri
$$ /BiospecData/data/mri/nmr/luc180325.Mz1/24/pdata/1/visu_pars
##$VisuVersion=1
##$VisuUid=( 65 )
<2.16.756.5.5.100.1839078967.30675.1521987498.4>
##$VisuCreator=( 65 )
<ParaVision>
##$VisuCreatorVersion=( 65 )
<5.1>
##$VisuCreationDate=( 21 )
<15:56:46 25 Mar 2018>
$$ @vis= VisuVersion VisuUid VisuCreator VisuCreatorVersion VisuCreationDate
##$VisuCoreFrameCount=1
##$VisuCoreDim=3
##$VisuCoreSize=( 3 )
2048 32 32
##$VisuCoreDimDesc=( 3 )
spectroscopic spatial spatial
$$ @vis= VisuInstance VisuCoreFrameCount VisuCoreDim VisuCoreSize
##$VisuCoreExtent=( 3 )
13.3398809297335 17.6 17.6
##$VisuCoreFrameThickness=( 1 )
1
##$VisuCoreUnits=( 3, 65 )
<ppm> <mm> <mm>
##$VisuCoreOrientation=( 1, 9 )
1 0 0 0 0 -1 0 1 0
$$ @vis= VisuCoreDimDesc VisuCoreExtent VisuCoreFrameThickness VisuCoreUnits
##$VisuCorePosition=( 1, 3 )
-9.9 1.9 10
##$VisuCoreDataMin=( 1 )
83578
##$VisuCoreDataMax=( 1 )
2147483392
##$VisuCoreDataOffs=( 1 )
0
$$ @vis= VisuCoreOrientation VisuCorePosition VisuCoreDataMin VisuCoreDataMax
##$VisuCoreDataSlope=( 1 )
0.00278778916357562
##$VisuCoreFrameType=MAGNITUDE_IMAGE
##$VisuCoreWordType=_32BIT_SGN_INT
$$ @vis= VisuCoreDataOffs VisuCoreDataSlope VisuCoreFrameType VisuCore
##$VisuCoreByteOrder=littleEndian
##$VisuSubjectName=( 65 )
<lucia>
$$ @vis= VisuCoreWordType VisuCoreByteOrder VisuPixel VisuFrameOrderDesc
##$VisuSubjectId=( 65 )
<luc180325>
##$VisuSubjectBirthDate=( 9 )
<>
##$VisuSubjectSex=FEMALE
##$VisuSubjectComment=( 2048 )
<>
$$ @vis= VisuSubjectName VisuSubjectId VisuSubjectBirthDate VisuSubjectSex
##$VisuStudyUid=( 65 )
<2.16.756.5.5.100.1839078967.16971.1521977136.5691>
##$VisuStudyDate=( 21 )
<14:25:36 25 Mar 2018>
##$VisuStudyId=( 65 )
<C1270-day23>
##$VisuStudyNumber=1
$$ @vis= VisuSubjectComment VisuSubject VisuStudyUid VisuStudyDate VisuStudyId
##$VisuSubjectWeight=5
##$VisuStudyReferringPhysician=( 65 )
<>
##$VisuStudyDescription=( 65 )
<>
$$ @vis= VisuStudyNumber VisuSubjectWeight VisuStudyReferringPhysician
##$VisuSeriesNumber=1572865
##$VisuSubjectPosition=Head_Supine
##$VisuSeriesTypeId=( 65 )
<ACQ_BRUKER_PVM>
$$ @vis= VisuStudyDescription VisuStudy VisuSeriesNumber VisuSubjectPosition
##$VisuAcqSoftwareVersion=( 65 )
<5.1>
##$VisuInstitution=( 65 )
<UAB>
##$VisuStation=( 65 )
<BioSpec 70/30>
$$ @vis= VisuSeriesTypeId VisuSeries VisuAcqSoftwareVersion VisuInstitution
##$VisuAcqDate=( 21 )
<15:56:46 25 Mar 2018>
##$VisuAcqEchoTrainLength=1
##$VisuAcqSequenceName=( 40 )
<CSI (pvm)>
$$ @vis= VisuStation VisuEquipment VisuAcqDate VisuAcqEchoTrainLength
##$VisuAcqNumberOfAverages=1
##$VisuAcqImagingFrequency=300.333284645764
##$VisuAcqImagedNucleus=( 8 )
<1H>
$$ @vis= VisuAcqSequenceName VisuAcqNumberOfAverages VisuAcqImagingFrequency
##$VisuAcqRepetitionTime=( 1 )
2500
##$VisuAcqPhaseEncSteps=13
##$VisuAcqPixelBandwidth=1.95625500801282
$$ @vis= VisuAcqImagedNucleus VisuAcqRepetitionTime VisuAcqPhaseEncSteps
##$VisuAcqFlipAngle=90
##$VisuAcqSize=( 3 )
2048 13 13
##$VisuAcqImageSizeAccellerated=No
$$ @vis= VisuAcqPixelBandwidth VisuAcqFlipAngle VisuAcqSize
##$VisuAcqImagePhaseEncDir=( 1 )
row_col_dir
##$VisuAcquisitionProtocol=( 65 )
<PV51_CSI_14ms>
$$ @vis= VisuAcqImageSizeAccellerated VisuAcqImagePhaseEncDir
##$VisuAcqScanTime=1290000
$$ @vis= VisuAcquisitionProtocol VisuAcqScanTime VisuAcquisition Visu
##END=
