##TITLE=Parameter List
##JCAMPDX=4.24
##DATATYPE=Parameter Values
##ORIGIN=Bruker BioSpin MRI GmbH
##OWNER=mri
$$ Fri May  4 17:52:31 2018 CEST (UT+2h)  mri
$$ /BiospecData/data/mri/nmr/lsp180504.Nd8/4/pdata/1/visu_pars
##$VisuVersion=1
##$VisuUid=( 65 )
<2.16.756.5.5.100.1839078967.27361.1525449150.2>
##$VisuCreator=( 65 )
<ParaVision>
##$VisuCreatorVersion=( 65 )
<5.1>
##$VisuCreationDate=( 21 )
<17:45:10  4 May 2018>
$$ @vis= VisuVersion VisuUid VisuCreator VisuCreatorVersion VisuCreationDate
##$VisuCoreFrameCount=10
##$VisuCoreDim=2
##$VisuCoreSize=( 2 )
256 256
##$VisuCoreDimDesc=( 2 )
spatial spatial
$$ @vis= VisuInstance VisuCoreFrameCount VisuCoreDim VisuCoreSize
##$VisuCoreExtent=( 2 )
19.2 19.2
##$VisuCoreFrameThickness=( 1 )
0.5
##$VisuCoreUnits=( 2, 65 )
<mm> <mm>
##$VisuCoreOrientation=( 10, 9 )
0.992546151641322 0.121869343405147 6.12303176911189e-17 6.07739161880956e-17 
7.46209861350524e-18 -1 -0.121869343405147 0.992546151641322 0 
0.992546151641322 0.121869343405147 6.12303176911189e-17 6.07739161880956e-17 
7.46209861350524e-18 -1 -0.121869343405147 0.992546151641322 0 
0.992546151641322 0.121869343405147 6.12303176911189e-17 6.07739161880956e-17 
7.46209861350524e-18 -1 -0.121869343405147 0.992546151641322 0 
0.992546151641322 0.121869343405147 6.12303176911189e-17 6.07739161880956e-17 
7.46209861350524e-18 -1 -0.121869343405147 0.992546151641322 0 
0.992546151641322 0.121869343405147 6.12303176911189e-17 6.07739161880956e-17 
7.46209861350524e-18 -1 -0.121869343405147 0.992546151641322 0 
0.992546151641322 0.121869343405147 6.12303176911189e-17 6.07739161880956e-17 
7.46209861350524e-18 -1 -0.121869343405147 0.992546151641322 0 
0.992546151641322 0.121869343405147 6.12303176911189e-17 6.07739161880956e-17 
7.46209861350524e-18 -1 -0.121869343405147 0.992546151641322 0 
0.992546151641322 0.121869343405147 6.12303176911189e-17 6.07739161880956e-17 
7.46209861350524e-18 -1 -0.121869343405147 0.992546151641322 0 
0.992546151641322 0.121869343405147 6.12303176911189e-17 6.07739161880956e-17 
7.46209861350524e-18 -1 -0.121869343405147 0.992546151641322 0 
0.992546151641322 0.121869343405147 6.12303176911189e-17 6.07739161880956e-17 
7.46209861350524e-18 -1 -0.121869343405147 0.992546151641322 0
$$ @vis= VisuCoreDimDesc VisuCoreExtent VisuCoreFrameThickness VisuCoreUnits
##$VisuCorePosition=( 10, 3 )
-9.74780787388596 0.616637376264963 7.5 -9.67468626784287 0.0211096852801706 
7.5 -9.60156466179978 -0.574418005704623 7.5 -9.52844305575669 
-1.16994569668942 7.5 -9.4553214497136 -1.76547338767421 7.5 
-9.38219984367051 -2.361001078659 7.5 -9.30907823762742 -2.9565287696438 7.5 
-9.23595663158434 -3.55205646062859 7.5 -9.16283502554125 -4.14758415161338 
7.5 -9.08971341949816 -4.74311184259817 7.5
##$VisuCoreDataMin=( 10 )
55 55 55 55 55 55 55 55 55 55
##$VisuCoreDataMax=( 10 )
20747 27829 25030 23921 30012 32766 32766 18758 20393 18583
##$VisuCoreDataOffs=( 10 )
0 0 0 0 0 0 0 0 0 0
$$ @vis= VisuCoreOrientation VisuCorePosition VisuCoreDataMin VisuCoreDataMax
##$VisuCoreDataSlope=( 10 )
160.282963571342 160.282963571342 160.282963571342 160.282963571342 
160.282963571342 160.282963571342 160.282963571342 160.282963571342 
160.282963571342 160.282963571342
##$VisuCoreFrameType=MAGNITUDE_IMAGE
##$VisuCoreWordType=_16BIT_SGN_INT
$$ @vis= VisuCoreDataOffs VisuCoreDataSlope VisuCoreFrameType VisuCore
##$VisuCoreByteOrder=littleEndian
##$VisuFGOrderDescDim=1
##$VisuFGOrderDesc=( 1 )
(10, <FG_SLICE>, <>, 0, 2)
$$ @vis= VisuCoreWordType VisuCoreByteOrder VisuPixel VisuFGOrderDescDim
##$VisuGroupDepVals=( 2 )
(<VisuCoreOrientation>, 0) (<VisuCorePosition>, 0)
##$VisuSubjectName=( 65 )
<lsp>
##$VisuSubjectId=( 65 )
<lsp180504>
$$ @vis= VisuFGOrderDesc VisuGroupDepVals VisuFrameOrderDesc VisuSubjectName
##$VisuSubjectBirthDate=( 9 )
<>
##$VisuSubjectSex=FEMALE
##$VisuSubjectComment=( 2048 )
<>
$$ @vis= VisuSubjectId VisuSubjectBirthDate VisuSubjectSex VisuSubjectComment
##$VisuStudyUid=( 65 )
<2.16.756.5.5.100.1839078967.18222.1525447912.6656>
##$VisuStudyDate=( 21 )
<18:31:52  4 May 2018>
##$VisuStudyId=( 65 )
<C1285-day9>
##$VisuStudyNumber=8
##$VisuSubjectWeight=5
$$ @vis= VisuSubject VisuStudyUid VisuStudyDate VisuStudyId VisuStudyNumber
##$VisuStudyReferringPhysician=( 65 )
<>
##$VisuStudyDescription=( 65 )
<>
$$ @vis= VisuSubjectWeight VisuStudyReferringPhysician VisuStudyDescription
##$VisuSeriesNumber=262145
##$VisuSubjectPosition=Head_Supine
##$VisuSeriesTypeId=( 65 )
<ACQ_BRUKER_PVM>
$$ @vis= VisuStudy VisuSeriesNumber VisuSubjectPosition VisuSeriesTypeId
##$VisuAcqSoftwareVersion=( 65 )
<5.1>
##$VisuInstitution=( 65 )
<UAB>
##$VisuStation=( 65 )
<BioSpec 70/30>
$$ @vis= VisuSeries VisuAcqSoftwareVersion VisuInstitution VisuStation
##$VisuAcqDate=( 21 )
<17:45:10  4 May 2018>
##$VisuAcqEchoTrainLength=8
##$VisuAcqSequenceName=( 40 )
<RARE (pvm)>
##$VisuAcqNumberOfAverages=4
$$ @vis= VisuEquipment VisuAcqDate VisuAcqEchoTrainLength VisuAcqSequenceName
##$VisuAcqImagingFrequency=300.331070072581
##$VisuAcqImagedNucleus=( 8 )
<1H>
##$VisuAcqRepetitionTime=( 1 )
4200
$$ @vis= VisuAcqNumberOfAverages VisuAcqImagingFrequency VisuAcqImagedNucleus
##$VisuAcqPhaseEncSteps=192
##$VisuAcqPixelBandwidth=183.10546875
##$VisuAcqFlipAngle=180
$$ @vis= VisuAcqRepetitionTime VisuAcqPhaseEncSteps VisuAcqPixelBandwidth
##$VisuAcqSize=( 2 )
192 256
##$VisuAcqImageSizeAccellerated=Yes
##$VisuAcqImagePhaseEncDir=( 10 )
row_dir row_dir row_dir row_dir row_dir row_dir row_dir row_dir row_dir 
row_dir
$$ @vis= VisuAcqFlipAngle VisuAcqSize VisuAcqImageSizeAccellerated
##$VisuAcqEchoTime=( 1 )
36
##$VisuAcquisitionProtocol=( 65 )
<000_PV51_04_T2_HighRes_ax_tRARE>
##$VisuAcqScanTime=403200
$$ @vis= VisuAcqImagePhaseEncDir VisuAcqEchoTime VisuAcquisitionProtocol
$$ @vis= VisuAcqScanTime VisuAcquisition Visu
##END=
