##TITLE=Parameter List
##JCAMPDX=4.24
##DATATYPE=Parameter Values
##ORIGIN=Bruker BioSpin MRI GmbH
##OWNER=mri
$$ Wed Mar  6 16:27:19 2019 CET (UT+1h)  mri
$$ /BiospecData/data/mri/nmr/sp190306.Sa4/21/pdata/1/reco
##$RECO_mode=FT_MODE
##$RecoAutoDerive=Yes
##$RECO_inp_order=NO_REORDERING
##$RECO_inp_size=( 2 )
512 192
##$RECO_ft_size=( 2 )
512 256
##$RECO_fov=( 2 )
1.76 1.76
##$RECO_size=( 2 )
256 256
$$ @vis= RECO_mode RecoAutoDerive RECO_inp_order RECO_ft_size RECO_fov
##$RECO_offset=( 2, 2 )
128 128 0 0
##$RECO_regrid_mode=NO_REGRID
##$RECO_regrid_offset=0
##$RECO_ramp_gap=0
##$RECO_ramp_time=0
##$RECO_ne_mode=NO_NAV_DATA
##$RECO_ne_dist=NeNoInterleave
##$RECO_ne_dens=NeCorrPerScan
##$RECO_ne_type=NAV_PHASE
##$RECO_ne_vals=( 1, 2 )
0 0
##$RECO_bc_mode=( 2 )
NO_BC NO_BC
##$RECO_bc_start=( 2 )
384 144
##$RECO_bc_len=( 2 )
128 48
##$RECO_dc_offset=( 2 )
0 0
##$RECO_dc_divisor=1
##$RECO_bc_coroff=( 2 )
0 0
##$RECO_qopts=( 2 )
CONJ_AND_QNEG NO_QOPTS
$$ @vis= RECO_size RECO_offset RECO_regrid_mode RECO_ne_mode RECO_bc_mode
##$RECO_wdw_mode=( 2 )
NO_WDW NO_WDW
##$RECO_lb=( 2 )
-0.5 -0.5
##$RECO_sw=( 2 )
93750 1
##$RECO_gb=( 2 )
0.5 0.5
##$RECO_sbs=( 2 )
1 1
##$RECO_tm1=( 2 )
0.25 0.25
##$RECO_tm2=( 2 )
0.75 0.75
##$RECO_ft_mode=( 2 )
COMPLEX_FFT COMPLEX_FFT
##$RECO_pc_mode=( 2 )
NO_PC NO_PC
##$RECO_pc_lin=( 2 )
(0, 0) (0, 0)
##$RECO_rotate=( 2, 2 )
0 0 0.47265625 0.47265625
##$RECO_ppc_mode=NO_PPC
$$ @vis= RECO_qopts RECO_wdw_mode RECO_ft_mode RECO_pc_mode RECO_rotate
##$RECO_ref_image=0
##$RECO_nr_supports=0.4
##$RECO_sig_threshold=0.15
##$RECO_ppc_degree=1
##$RECO_ppc_coeffs=( 2, 2, 2 )
0 0 0 0 0 0 0 0
##$RECO_dc_elim=No
##$RECO_transposition=( 2 )
1 1
##$RECO_image_type=MAGNITUDE_IMAGE
##$RECO_image_threshold=0.15
##$RECO_ir_scale=10
##$RECO_wordtype=_16BIT_SGN_INT
$$ @vis= RECO_ppc_mode RECO_dc_elim RECO_transposition RECO_image_type
##$RECO_map_mode=PERCENTILE_MAPPING
##$RECO_map_range=( 2 )
-2147483647 2147483647
##$RECO_map_percentile=( 2 )
1 99.999
##$RECO_map_error=0.00025
##$RECO_globex=( 2 )
0 0
$$ @vis= RECO_wordtype RECO_map_mode RECO_map_percentile RECO_map_error
##$RECO_minima=( 2 )
5 3
##$RECO_maxima=( 2 )
32767 10572
##$RECO_map_min=( 2 )
-6954029 -6954029
##$RECO_map_max=( 2 )
6954029 6954029
##$RECO_map_offset=( 2 )
0 0
$$ @vis= RECO_globex RECO_minima RECO_maxima RECO_map_min RECO_map_max
##$RECO_map_slope=( 2 )
0.00471194460988045 0.00471194460988045
##$RECO_byte_order=littleEndian
##$RECO_time=( 24 )
<16:22:05  6 Mar 2019>
##$RECO_abs_time=1551885725
$$ @vis= RECO_map_offset RECO_map_slope RECO_byte_order RECO_time
##$RECO_base_image_uid=( 65 )
<2.16.756.5.5.100.1839078967.22436.1551886039.3>
##$GS_reco_display=Yes
$$ @vis= RECO_abs_time RECO_base_image_uid RecoRegridNGroup GS_reco_display
##$GO_reco_display=Yes
##$GO_reco_each_nr=No
##$GO_max_reco_mem=0
$$ @vis= RECO_GS GO_reco_display GO_reco_each_nr GO_max_reco_mem RECO_GO RECO
##END=
