##TITLE=Parameter List
##JCAMPDX=4.24
##DATATYPE=Parameter Values
##ORIGIN=Bruker BioSpin MRI GmbH
##OWNER=mri
$$ Thu Feb 28 15:50:33 2019 CET (UT+1h)  mri
$$ /BiospecData/data/mri/nmr/sp190228.S43/13/pdata/1/visu_pars
##$VisuVersion=1
##$VisuUid=( 65 )
<2.16.756.5.5.100.1839078967.16314.1551365432.2>
##$VisuCreator=( 65 )
<ParaVision>
##$VisuCreatorVersion=( 65 )
<5.1>
##$VisuCreationDate=( 21 )
<15:50:30 28 Feb 2019>
$$ @vis= VisuVersion VisuUid VisuCreator VisuCreatorVersion VisuCreationDate
##$VisuCoreFrameCount=2
##$VisuCoreDim=3
##$VisuCoreSize=( 3 )
2048 32 32
##$VisuCoreDimDesc=( 3 )
spectroscopic spatial spatial
$$ @vis= VisuInstance VisuCoreFrameCount VisuCoreDim VisuCoreSize
##$VisuCoreExtent=( 3 )
13.3398942276002 17.6 17.6
##$VisuCoreFrameThickness=( 1 )
1
##$VisuCoreUnits=( 3, 65 )
<ppm> <mm> <mm>
##$VisuCoreOrientation=( 1, 9 )
1 0 0 0 0 -1 0 1 0
$$ @vis= VisuCoreDimDesc VisuCoreExtent VisuCoreFrameThickness VisuCoreUnits
##$VisuCorePosition=( 1, 3 )
-9.5 -1.7 8.9
##$VisuCoreDataMin=( 2 )
-1254212736 -1254212736
##$VisuCoreDataMax=( 2 )
2147483392 2147483392
##$VisuCoreDataOffs=( 2 )
0 0
$$ @vis= VisuCoreOrientation VisuCorePosition VisuCoreDataMin VisuCoreDataMax
##$VisuCoreDataSlope=( 2 )
0.000124554632045669 0.000124554632045669
##$VisuCoreFrameType=COMPLEX_IMAGE
##$VisuFGElemId=( 2, 65 )
<COMPLEX_REAL> <COMPLEX_IMAG>
##$VisuFGElemComment=( 2, 65 )
<Real Images> <Imaginary Images>
$$ @vis= VisuCoreDataOffs VisuCoreDataSlope VisuCoreFrameType VisuFGElemId
##$VisuCoreWordType=_32BIT_SGN_INT
##$VisuCoreByteOrder=littleEndian
$$ @vis= VisuFGElemComment VisuCore VisuCoreWordType VisuCoreByteOrder
##$VisuFGOrderDescDim=1
##$VisuFGOrderDesc=( 1 )
(2, <FG_COMPLEX>, <>, 0, 2)
##$VisuGroupDepVals=( 2 )
(<VisuFGElemId>, 0) (<VisuFGElemComment>, 0)
$$ @vis= VisuPixel VisuFGOrderDescDim VisuFGOrderDesc VisuGroupDepVals
##$VisuSubjectName=( 65 )
<ShuPi>
##$VisuSubjectId=( 65 )
<sp190228>
##$VisuSubjectBirthDate=( 9 )
<>
##$VisuSubjectSex=FEMALE
$$ @vis= VisuFrameOrderDesc VisuSubjectName VisuSubjectId VisuSubjectBirthDate
##$VisuSubjectComment=( 2048 )
<>
##$VisuStudyUid=( 65 )
<2.16.756.5.5.100.1839078967.4911.1551361691.7763>
##$VisuStudyDate=( 21 )
<14:48:11 28 Feb 2019>
$$ @vis= VisuSubjectSex VisuSubjectComment VisuSubject VisuStudyUid
##$VisuStudyId=( 65 )
<C1361_Day14>
##$VisuStudyNumber=3
##$VisuSubjectWeight=5
##$VisuStudyReferringPhysician=( 65 )
<>
$$ @vis= VisuStudyDate VisuStudyId VisuStudyNumber VisuSubjectWeight
##$VisuStudyDescription=( 65 )
<>
##$VisuSeriesNumber=851969
$$ @vis= VisuStudyReferringPhysician VisuStudyDescription VisuStudy
##$VisuSubjectPosition=Head_Supine
##$VisuSeriesTypeId=( 65 )
<ACQ_BRUKER_PVM>
##$VisuAcqSoftwareVersion=( 65 )
<5.1>
$$ @vis= VisuSeriesNumber VisuSubjectPosition VisuSeriesTypeId VisuSeries
##$VisuInstitution=( 65 )
<UAB>
##$VisuStation=( 65 )
<BioSpec 70/30>
##$VisuAcqDate=( 21 )
<15:26:22 28 Feb 2019>
$$ @vis= VisuAcqSoftwareVersion VisuInstitution VisuStation VisuEquipment
##$VisuAcqEchoTrainLength=1
##$VisuAcqSequenceName=( 40 )
<CSI (pvm)>
##$VisuAcqNumberOfAverages=1
$$ @vis= VisuAcqDate VisuAcqEchoTrainLength VisuAcqSequenceName
##$VisuAcqImagingFrequency=300.332985258684
##$VisuAcqImagedNucleus=( 8 )
<1H>
##$VisuAcqRepetitionTime=( 1 )
2500
$$ @vis= VisuAcqNumberOfAverages VisuAcqImagingFrequency VisuAcqImagedNucleus
##$VisuAcqPhaseEncSteps=13
##$VisuAcqPixelBandwidth=1.95625500801282
##$VisuAcqFlipAngle=90
$$ @vis= VisuAcqRepetitionTime VisuAcqPhaseEncSteps VisuAcqPixelBandwidth
##$VisuAcqSize=( 3 )
2048 13 13
##$VisuAcqImageSizeAccellerated=No
##$VisuAcqImagePhaseEncDir=( 2 )
row_col_dir row_col_dir
$$ @vis= VisuAcqFlipAngle VisuAcqSize VisuAcqImageSizeAccellerated
##$VisuAcquisitionProtocol=( 65 )
<PV51_CSI_14ms>
##$VisuAcqScanTime=1290000
$$ @vis= VisuAcqImagePhaseEncDir VisuAcquisitionProtocol VisuAcqScanTime
$$ @vis= VisuAcquisition Visu
##END=
