##TITLE=Parameter List
##JCAMPDX=4.24
##DATATYPE=Parameter Values
##ORIGIN=Bruker BioSpin MRI GmbH
##OWNER=mri
$$ Tue May 15 14:42:50 2018 CEST (UT+2h)  mri
$$ /BiospecData/data/mri/nmr/lsp180515.No1/9/pdata/1/visu_pars
##$VisuVersion=1
##$VisuUid=( 65 )
<2.16.756.5.5.100.1839078967.22146.1526388170.5>
##$VisuCreator=( 65 )
<ParaVision>
##$VisuCreatorVersion=( 65 )
<5.1>
##$VisuCreationDate=( 21 )
<14:37:35 15 May 2018>
$$ @vis= VisuVersion VisuUid VisuCreator VisuCreatorVersion VisuCreationDate
##$VisuCoreFrameCount=2
##$VisuCoreDim=2
##$VisuCoreSize=( 2 )
256 256
##$VisuCoreDimDesc=( 2 )
spatial spatial
$$ @vis= VisuInstance VisuCoreFrameCount VisuCoreDim VisuCoreSize
##$VisuCoreExtent=( 2 )
17.6 17.6
##$VisuCoreFrameThickness=( 1 )
1
##$VisuCoreUnits=( 2, 65 )
<mm> <mm>
##$VisuCoreOrientation=( 1, 9 )
1 0 0 0 0 -1 0 1 0
$$ @vis= VisuCoreDimDesc VisuCoreExtent VisuCoreFrameThickness VisuCoreUnits
##$VisuCorePosition=( 1, 3 )
-8.5 -1.2 8.8
##$VisuCoreDataMin=( 2 )
6 3
##$VisuCoreDataMax=( 2 )
32767 12039
##$VisuCoreDataOffs=( 2 )
0 0
$$ @vis= VisuCoreOrientation VisuCorePosition VisuCoreDataMin VisuCoreDataMax
##$VisuCoreDataSlope=( 2 )
201.924560033828 201.924560033828
##$VisuCoreFrameType=MAGNITUDE_IMAGE
##$VisuCoreWordType=_16BIT_SGN_INT
$$ @vis= VisuCoreDataOffs VisuCoreDataSlope VisuCoreFrameType VisuCore
##$VisuCoreByteOrder=littleEndian
##$VisuFGOrderDescDim=1
##$VisuFGOrderDesc=( 1 )
(2, <FG_ECHO>, <>, 0, 1)
$$ @vis= VisuCoreWordType VisuCoreByteOrder VisuPixel VisuFGOrderDescDim
##$VisuGroupDepVals=( 1 )
(<VisuAcqEchoTime>, 0)
##$VisuSubjectName=( 65 )
<shuang>
##$VisuSubjectId=( 65 )
<lsp180515>
$$ @vis= VisuFGOrderDesc VisuGroupDepVals VisuFrameOrderDesc VisuSubjectName
##$VisuSubjectBirthDate=( 9 )
<>
##$VisuSubjectSex=FEMALE
##$VisuSubjectComment=( 2048 )
<>
$$ @vis= VisuSubjectId VisuSubjectBirthDate VisuSubjectSex VisuSubjectComment
##$VisuStudyUid=( 65 )
<2.16.756.5.5.100.1839078967.14840.1526385909.6295>
##$VisuStudyDate=( 21 )
<15:05:09 15 May 2018>
##$VisuStudyId=( 65 )
<c1276day39>
##$VisuStudyNumber=1
##$VisuSubjectWeight=5
$$ @vis= VisuSubject VisuStudyUid VisuStudyDate VisuStudyId VisuStudyNumber
##$VisuStudyReferringPhysician=( 65 )
<>
##$VisuStudyDescription=( 65 )
<>
$$ @vis= VisuSubjectWeight VisuStudyReferringPhysician VisuStudyDescription
##$VisuSeriesNumber=589825
##$VisuSubjectPosition=Head_Supine
##$VisuSeriesTypeId=( 65 )
<ACQ_BRUKER_PVM>
$$ @vis= VisuStudy VisuSeriesNumber VisuSubjectPosition VisuSeriesTypeId
##$VisuInstitution=( 65 )
<UAB>
##$VisuStation=( 65 )
<BioSpec 70/30>
##$VisuAcqDate=( 21 )
<14:37:35 15 May 2018>
##$VisuAcqEchoTrainLength=8
$$ @vis= VisuSeries VisuInstitution VisuStation VisuEquipment VisuAcqDate
##$VisuAcqSequenceName=( 40 )
<RARE (pvm)>
##$VisuAcqNumberOfAverages=4
##$VisuAcqImagingFrequency=300.330660974501
$$ @vis= VisuAcqEchoTrainLength VisuAcqSequenceName VisuAcqNumberOfAverages
##$VisuAcqImagedNucleus=( 8 )
<1H>
##$VisuAcqRepetitionTime=( 1 )
3000
##$VisuAcqPhaseEncSteps=192
$$ @vis= VisuAcqImagingFrequency VisuAcqImagedNucleus VisuAcqRepetitionTime
##$VisuAcqPixelBandwidth=183.10546875
##$VisuAcqFlipAngle=180
##$VisuAcqSize=( 2 )
192 512
$$ @vis= VisuAcqPhaseEncSteps VisuAcqPixelBandwidth VisuAcqFlipAngle
##$VisuAcqImageSizeAccellerated=Yes
##$VisuAcqImagePhaseEncDir=( 2 )
row_dir row_dir
##$VisuAcqEchoTime=( 2 )
36 132
$$ @vis= VisuAcqSize VisuAcqImageSizeAccellerated VisuAcqImagePhaseEncDir
##$VisuAcquisitionProtocol=( 65 )
<PV51_11_CSI_REF>
##$VisuAcqScanTime=288000
$$ @vis= VisuAcqEchoTime VisuAcquisitionProtocol VisuAcqScanTime
$$ @vis= VisuAcquisition Visu
##END=
