##TITLE=Parameter List
##JCAMPDX=4.24
##DATATYPE=Parameter Values
##ORIGIN=Bruker BioSpin MRI GmbH
##OWNER=mri
$$ Mon Apr 23 16:51:07 2018 CEST (UT+2h)  mri
$$ /BiospecData/data/mri/nmr/lsp180423.N21/13/acqp
##$PULPROG=( 32 )
<RARE.ppg>
##$GRDPROG=( 16 )
<>
##$ACQ_experiment_mode=SingleExperiment
##$ACQ_user_filter=No
##$ACQ_DS_enabled=Yes
##$ACQ_switch_pll_enabled=No
$$ @vis= PULPROG GRDPROG ACQ_experiment_mode ACQ_user_filter ACQ_DS_enabled
##$ACQ_preload=0
##$ACQ_dim=2
##$ACQ_dim_desc=( 2 )
Spatial Spatial
##$ACQ_size=( 2 )
1024 192
##$ACQ_ns_list_size=2
$$ @vis= ACQ_switch_pll_enabled ACQ_preload ACQ_dim ACQ_dim_desc ACQ_size
##$ACQ_ns_list=( 2 )
1 1
##$ACQ_phase_factor=8
##$ACQ_scan_size=One_scan
##$NI=2
##$NA=4
##$NAE=1
##$NR=1
$$ @vis= ACQ_ns_list_size ACQ_ns_list ACQ_phase_factor ACQ_scan_size NI NA NAE
##$DS=2
##$D=( 64 )
2.785237 0.001455 0.000538333333333333 7.1e-05 0.000125 0.000284 0.00095 0 
2.5e-05 0.00175 1e-05 0.00135 0 0 0 0 0 0 0 0 0 0 0 0 0 0 0 0 0 0 0 0 0 0 0 0 
0 0 0 0 0 0 0 0 0 0 0 0 0 0 0 0 0 0 0 0 0 0 0 0 0 0 0 0
##$P=( 64 )
2700 1710 0 0 0 0 0 0 0 0 0 0 0 0 0 0 0 0 0 0 0 0 0 0 0 0 0 0 0 0 0 0 0 0 0 0 
0 0 0 0 0 0 0 0 0 0 0 0 0 0 0 0 0 0 0 0 0 0 0 0 0 0 0 0
##$PL=( 64 )
0 120 0 0 0 0 0 0 0 0 0 0 0 0 0 0 0 0 0 0 0 0 0 0 0 0 0 0 0 0 0 0 0 0 0 0 0 0 
0 0 0 0 0 0 0 0 0 0 0 0 0 0 0 0 0 0 0 0 0 0 0 0 0 0
##$TPQQ=( 16 )
(<hermite.exc>, 13.3845542899338, 0) (<hermite.rfc>, 3.39660130131752, 0) (<>,
 30, 0) (<>, 30, 0) (<>, 30, 0) (<>, 30, 0) (<>, 30, 0) (<>, 30, 0) (<>, 30, 
0) (<>, 30, 0) (<>, 30, 0) (<>, 30, 0) (<>, 30, 0) (<>, 30, 0) (<>, 30, 0) (<
>, 30, 0)
##$DPQQ=( 16 )
(<>, 50, 0) (<>, 30, 0) (<>, 30, 0) (<>, 30, 0) (<>, 30, 0) (<>, 30, 0) (<>, 
30, 0) (<>, 30, 0) (<>, 30, 0) (<>, 30, 0) (<gauss512.exc>, 20.3660526448455, 
0) (<>, 30, 0) (<>, 30, 0) (<>, 30, 0) (<>, 30, 0) (<>, 30, 0)
##$SW_h=93750
##$SW=312.155488931311
##$FW=0
##$RG=57
##$AQ_mod=qdig
##$DR=21
##$PAPS=QP
##$PH_ref=0
##$ACQ_BF_enable=Yes
##$BF1=300.3310956375
$$ @vis= NR DS D P PL TPQQ DPQQ SW_h SW RG AQ_mod DR PAPS PH_ref ACQ_BF_enable
##$SFO1=300.3310956375
##$O1=0
##$ACQ_O1_list_size=1
##$ACQ_O1_list=( 1 )
1020
##$ACQ_O1B_list_size=1
##$ACQ_O1B_list=( 1 )
1598.01136363636
$$ @vis= BF1 SFO1 O1 ACQ_O1_list_size ACQ_O1_list ACQ_O1B_list_size
##$BF2=300.3
##$SFO2=300.3
##$O2=0
##$ACQ_O2_list_size=1
##$ACQ_O2_list=( 1 )
0
##$BF3=300.3
##$SFO3=300.3
##$O3=0
##$ACQ_O3_list_size=1
$$ @vis= ACQ_O1B_list BF2 SFO2 O2 ACQ_O2_list_size ACQ_O2_list BF3 SFO3 O3
##$ACQ_O3_list=( 1 )
0
##$BF4=300.3
##$SFO4=300.3
##$O4=0
##$BF5=300.3
##$SFO5=300.3
##$O5=0
##$BF6=300.3
##$SFO6=300.3
##$O6=0
##$BF7=300.3
##$SFO7=300.3
$$ @vis= ACQ_O3_list_size ACQ_O3_list BF4 SFO4 O4 BF5 SFO5 O5 BF6 SFO6 O6 BF7
##$O7=0
##$BF8=300.3
##$SFO8=300.3
##$O8=0
##$NUC1=( 8 )
<1H>
##$NUC2=( 8 )
<off>
##$NUC3=( 8 )
<off>
##$NUC4=( 8 )
<off>
##$NUC5=( 8 )
<off>
##$NUC6=( 8 )
<off>
##$NUC7=( 8 )
<off>
##$NUC8=( 8 )
<off>
##$NUCLEUS=( 8 )
<1H>
##$ACQ_coil_config_file=( 512 )
<Default_Transceiver_1H_1000W_CrossCoil>
$$ @vis= SFO7 O7 BF8 SFO8 O8 NUC1 NUC2 NUC3 NUC4 NUC5 NUC6 NUC7 NUC8 NUCLEUS
##$ACQ_coils=( 4 )
(<Generic 1H Resonator>, <unknown>, <unknown>, <unknown>, 0, VolumeCoil, 300, 
0, 1, 0) (<Generic 1H Surface Receive Coil>, <unknown>, <unknown>, <unknown>, 
0, SurfaceCoil, 300, 0, 1, 0) (<>, <>, <>, <>, 0, NoCoil, 0, 0, 0, 0) (<>, <>,
 <>, <>, 0, NoCoil, 0, 0, 0, 0)
##$ACQ_coil_elements=( 2 )
(0, 3, -1, 1, 0, 0, 0, 0, 0, 0, <1H>, 0, noPin, preamp_probe, 1, 0, 0, 
voltageMode, hardwareCoded, -36, 0, 0, 0) (1, 2, -1, 1, 0, 0, 0, 0, 0, 0, <1H
>, 0, noPin, preamp_probe, 2, 0, 0, voltageMode, hardwareCoded, -36, 0, 0, 0)
##$ACQ_operation_mode=( 64 )
<[1H] TX Volume, RX Surface>
##$ACQ_Routing=RouteDefinedByCoil
##$L=( 32 )
0 16 24 0 0 0 0 0 0 0 0 0 0 0 0 0 0 0 0 0 0 0 0 0 0 0 0 0 0 0 0 0
##$ACQ_vd_list_size=1
$$ @vis= ACQ_coil_config_file ACQ_coils ACQ_coil_elements ACQ_operation_mode L
##$ACQ_vd_list=( 1 )
1e-06
##$ACQ_vp_list_size=1
##$ACQ_vp_list=( 1 )
1e-06
##$ACQ_status=( 20 )
<S116>
##$ACQ_Routing_base=( 128 )
<1H>
##$ACQ_protocol_location=( 64 )
<S_Arus_Nuria>
$$ @vis= ACQ_vd_list_size ACQ_vd_list ACQ_vp_list_size ACQ_vp_list ACQ_status
##$ACQ_protocol_name=( 64 )
<PV51_11_CSI_REF>
##$ACQ_scan_name=( 64 )
<PV51_11_CSI_REF>
##$ACQ_method=( 20 )
<RARE>
##$ACQ_completed=Yes
$$ @vis= ACQ_protocol_location ACQ_protocol_name ACQ_scan_name ACQ_method
##$ACQ_pipe_status=Proc
##$ACQ_scans_completed=0
##$ACQ_nr_completed=1
##$ACQ_total_completed=384
$$ @vis= ACQ_completed ACQ_pipe_status ACQ_scans_completed ACQ_nr_completed
##$ACQ_word_size=_32_BIT
##$NECHOES=16
##$ACQ_n_echo_images=2
##$ACQ_n_movie_frames=1
$$ @vis= ACQ_total_completed ACQ_word_size NECHOES ACQ_n_echo_images
##$ACQ_echo_descr=( 1, 20 )
<>
##$ACQ_movie_descr=( 1, 20 )
<>
##$ACQ_fov=( 2 )
3.52 1.76
##$ACQ_read_ext=2
$$ @vis= ACQ_n_movie_frames ACQ_echo_descr ACQ_movie_descr ACQ_fov
##$ACQ_slice_angle=( 1 )
0
##$ACQ_slice_orient=Arbitrary_Oblique
##$ACQ_patient_pos=Head_Supine
##$ACQ_read_offset=( 1 )
0.6
$$ @vis= ACQ_read_ext ACQ_slice_angle ACQ_slice_orient ACQ_patient_pos
##$ACQ_phase1_offset=( 1 )
0.3
##$ACQ_phase2_offset=( 1 )
0
##$ACQ_slice_sepn=( 1 )
1
##$ACQ_slice_sepn_mode=Contiguous
$$ @vis= ACQ_read_offset ACQ_phase1_offset ACQ_phase2_offset ACQ_slice_sepn
##$ACQ_slice_thick=1
##$ACQ_slice_offset=( 1 )
0.6
##$ACQ_obj_order=( 2 )
0 1
##$ACQ_flip_angle=180
$$ @vis= ACQ_slice_sepn_mode ACQ_slice_thick ACQ_slice_offset ACQ_obj_order
##$ACQ_flipback=No
##$ACQ_echo_time=( 2 )
36 132
##$ACQ_inter_echo_time=( 1 )
12
##$ACQ_recov_time=( 1 )
2910
$$ @vis= ACQ_flip_angle ACQ_flipback ACQ_echo_time ACQ_inter_echo_time
##$ACQ_repetition_time=( 1 )
3000
##$ACQ_scan_time=0
##$ACQ_inversion_time=( 1 )
0
##$ACQ_temporal_delay=( 1 )
0
$$ @vis= ACQ_recov_time ACQ_repetition_time ACQ_scan_time ACQ_inversion_time
##$ACQ_time=( 24 )
<16:45:52 23 Apr 2018>
##$ACQ_time_points=( 1 )
0
##$ACQ_abs_time=1524494752
##$ACQ_operator=( 16 )
<mri>
##$ACQ_RF_power=0
$$ @vis= ACQ_temporal_delay ACQ_time ACQ_time_points ACQ_abs_time ACQ_operator
##$ACQ_transmitter_coil=( 16 )
<>
##$ACQ_contrast_agent=( 20 )
<>
##$ACQ_trigger_enable=No
$$ @vis= ACQ_RF_power ACQ_transmitter_coil ACQ_contrast_agent
##$ACQ_trigger_reference=( 16 )
< >
##$ACQ_trigger_delay=1
##$ACQ_institution=( 48 )
<UAB>
$$ @vis= ACQ_trigger_enable ACQ_trigger_reference ACQ_trigger_delay
##$ACQ_station=( 64 )
<BioSpec 70/30>
##$ACQ_sw_version=( 65 )
<PV 5.1>
##$ACQ_calib_date=( 24 )
<14:05:49 31 Oct 2012>
##$ACQ_grad_str_X=0
$$ @vis= ACQ_institution ACQ_station ACQ_sw_version ACQ_calib_date
##$ACQ_grad_str_Y=0
##$ACQ_grad_str_Z=0
##$ACQ_position_X=0
##$ACQ_position_Y=0
$$ @vis= ACQ_grad_str_X ACQ_grad_str_Y ACQ_grad_str_Z ACQ_position_X
##$ACQ_position_Z=0
##$BYTORDA=little
##$INSTRUM=( 64 )
<spect>
##$ACQ_adc_overflow=( 4 )
No No No No
##$GRPDLY=68.00390625
##$FRQLO3=1231404.36249997
$$ @vis= ACQ_position_Y ACQ_position_Z BYTORDA INSTRUM ACQ_adc_overflow GRPDLY
##$FQ1LIST=( 16 )
<ACQ_O1_list>
##$FQ2LIST=( 16 )
<ACQ_O2_list>
##$FQ3LIST=( 16 )
<ACQ_O3_list>
##$FQ8LIST=( 16 )
<ACQ_O1B_list>
##$SP=( 32 )
13.3845542899338 3.39660130131752 30 30 30 30 30 30 50 30 30 30 30 30 30 30 
30 30 30 30 30 30 30 30 30 30 20.3660526448455 30 30 30 30 30
##$SPOFFS=( 32 )
0 0 0 0 0 0 0 0 0 0 0 0 0 0 0 0 0 0 0 0 0 0 0 0 0 0 0 0 0 0 0 0
##$SPNAM0=( 16 )
<hermite.exc>
##$SPNAM1=( 16 )
<hermite.rfc>
$$ @vis= FRQLO3 ACQ_INFO FQ1LIST FQ2LIST FQ3LIST FQ8LIST SP SPOFFS SPNAM0
##$SPNAM2=( 16 )
<>
##$SPNAM3=( 16 )
<>
##$SPNAM4=( 16 )
<>
##$SPNAM5=( 16 )
<>
##$SPNAM6=( 16 )
<>
##$SPNAM7=( 16 )
<>
##$SPNAM8=( 16 )
<>
##$SPNAM9=( 16 )
<>
##$SPNAM10=( 16 )
<>
$$ @vis= SPNAM1 SPNAM2 SPNAM3 SPNAM4 SPNAM5 SPNAM6 SPNAM7 SPNAM8 SPNAM9
##$SPNAM11=( 16 )
<>
##$SPNAM12=( 16 )
<>
##$SPNAM13=( 16 )
<>
##$SPNAM14=( 16 )
<>
##$SPNAM15=( 16 )
<>
##$HPPRGN=normal
##$LOCNUC=( 8 )
<off>
##$QNP=1
##$SOLVENT=( 16 )
<>
$$ @vis= SPNAM10 SPNAM11 SPNAM12 SPNAM13 SPNAM14 SPNAM15 HPPRGN LOCNUC QNP
##$DIGMOD=digital_mode
##$DIGTYP=DRU
##$DQDMODE=DQDMODE_add
##$DSPFIRM=DSP_standard
##$DECIM=213
##$DSPFVS=20
##$ACQ_scan_shift=-136
$$ @vis= SOLVENT HIRES DIGMOD DIGTYP DQDMODE DSPFIRM DECIM DSPFVS
##$DEOSC=6722.33333333333
##$DE=6
##$FCUCHAN=( 10 )
0 2 0 0 0 0 0 0 0 0
##$RSEL=( 10 )
0 0 2 0 0 0 0 0 0 0
##$SWIBOX=( 16 )
0 1 2 0 0 0 0 0 0 0 0 0 0 0 0 0
##$POWMOD=HIGH
##$HPMOD=( 8 )
0 1 1 0 0 0 0 0
##$PRECHAN=( 16 )
-1 0 1 -1 -1 -1 -1 -1 -1 -1 -1 -1 -1 -1 -1 -1
##$OBSCHAN=( 10 )
0 1 0 0 0 0 0 0 0 0
$$ @vis= ACQ_scan_shift DEOSC DE FCUCHAN RSEL SWIBOX POWMOD HPMOD PRECHAN
##$RECCHAN=( 16 )
0 2 0 0 0 0 0 0 0 0 0 0 0 0 0 0
##$RECSEL=( 16 )
0 0 2 0 0 0 0 0 0 0 0 0 0 0 0 0
##$RECPRE=( 16 )
-1 -1 2 -1 -1 -1 -1 -1 -1 -1 -1 -1 -1 -1 -1 -1
##$NLOGCH=0
##$ACQ_n_trim=11
##$ACQ_trim=( 11, 3 )
10.9465550547328 10.9465550547328 10.9465550547328 -10.4827179761424 
-10.4827179761424 -10.4827179761424 10.9465550547328 10.9465550547328 
10.9465550547328 30 30 30 45.8004234311641 45.8004234311641 45.8004234311641 
17.1497248726804 17.1497248726804 17.1497248726804 43.5629600486816 
43.5629600486816 43.5629600486816 -57 -57 -57 -43.5629600486816 
-43.5629600486816 -43.5629600486816 57 57 57 30 30 30
$$ @vis= OBSCHAN RECCHAN RECSEL RECPRE NLOGCH AVANCE_PARS ACQ_n_trim ACQ_trim
##$ACQ_scaling_read=1
##$ACQ_scaling_phase=1
##$ACQ_scaling_slice=1
##$ACQ_grad_matrix=( 1, 3, 3 )
0 0 1 1 0 0 0 1 0
$$ @vis= ACQ_trim_values ACQ_scaling_read ACQ_scaling_phase ACQ_scaling_slice
##$NSLICES=1
##$ACQ_rare_factor=8
##$ACQ_phase_encoding_mode=( 2 )
Read User_Defined_Encoding
##$ACQ_phase_enc_start=( 2 )
-1 -1
$$ @vis= ACQ_grad_matrix NSLICES ACQ_rare_factor ACQ_phase_encoding_mode
##$ACQ_spatial_size_1=192
##$ACQ_spatial_phase_1=( 192 )
-0.46875 -0.28125 -0.09375 0.09375 0.28125 0.46875 0.65625 -0.65625 
-0.4609375 -0.2734375 -0.0859375 0.1015625 0.2890625 0.4765625 0.6640625 
-0.6484375 -0.453125 -0.265625 -0.078125 0.109375 0.296875 0.484375 0.671875 
-0.640625 -0.4453125 -0.2578125 -0.0703125 0.1171875 0.3046875 0.4921875 
0.6796875 -0.6328125 -0.4375 -0.25 -0.0625 0.125 0.3125 0.5 0.6875 -0.625 
-0.4296875 -0.2421875 -0.0546875 0.1328125 0.3203125 0.5078125 0.6953125 
-0.6171875 -0.421875 -0.234375 -0.046875 0.140625 0.328125 0.515625 0.703125 
-0.609375 -0.4140625 -0.2265625 -0.0390625 0.1484375 0.3359375 0.5234375 
0.7109375 -0.6015625 -0.40625 -0.21875 -0.03125 0.15625 0.34375 0.53125 
0.71875 -0.59375 -0.3984375 -0.2109375 -0.0234375 0.1640625 0.3515625 
0.5390625 0.7265625 -0.5859375 -0.390625 -0.203125 -0.015625 0.171875 
0.359375 0.546875 0.734375 -0.578125 -0.3828125 -0.1953125 -0.0078125 
0.1796875 0.3671875 0.5546875 0.7421875 -0.5703125 -0.375 -0.1875 0 0.1875 
0.375 0.5625 -0.75 -0.5625 -0.3671875 -0.1796875 0.0078125 0.1953125 
0.3828125 0.5703125 -0.7421875 -0.5546875 -0.359375 -0.171875 0.015625 
0.203125 0.390625 0.578125 -0.734375 -0.546875 -0.3515625 -0.1640625 
0.0234375 0.2109375 0.3984375 0.5859375 -0.7265625 -0.5390625 -0.34375 
-0.15625 0.03125 0.21875 0.40625 0.59375 -0.71875 -0.53125 -0.3359375 
-0.1484375 0.0390625 0.2265625 0.4140625 0.6015625 -0.7109375 -0.5234375 
-0.328125 -0.140625 0.046875 0.234375 0.421875 0.609375 -0.703125 -0.515625 
-0.3203125 -0.1328125 0.0546875 0.2421875 0.4296875 0.6171875 -0.6953125 
-0.5078125 -0.3125 -0.125 0.0625 0.25 0.4375 0.625 -0.6875 -0.5 -0.3046875 
-0.1171875 0.0703125 0.2578125 0.4453125 0.6328125 -0.6796875 -0.4921875 
-0.296875 -0.109375 0.078125 0.265625 0.453125 0.640625 -0.671875 -0.484375 
-0.2890625 -0.1015625 0.0859375 0.2734375 0.4609375 0.6484375 -0.6640625 
-0.4765625
##$GS_dim=1
$$ @vis= ACQ_phase_enc_start ACQ_spatial_size_1 ACQ_spatial_phase_1 GRAD_PARS
##$GS_disp_update=Each_Accum
##$GS_online_reco=Yes
##$GS_reco_display=Yes
##$GS_typ=Spectrometer_Parameters
##$GS_info_dig_filling=Yes
$$ @vis= GS_dim GS_disp_update GS_online_reco GS_reco_display GS_typ
##$GS_info_normalized_area=No_info
##$GS_info_max_point=No_info
##$GS_get_info_points=No_info
$$ @vis= GS_info_dig_filling GS_info_normalized_area GS_info_max_point
##$GS_continue=Exit_gsauto
##$GO_init_files=No
##$GO_data_save=Yes
##$GO_block_size=Standard_KBlock_Format
$$ @vis= GS_get_info_points GS_continue GS GO_init_files GO_data_save
##$GO_raw_data_format=GO_32BIT_SGN_INT
##$GO_disp_update=Each_Accum
##$GO_online_reco=Yes
##$GO_reco_display=Yes
$$ @vis= GO_block_size GO_raw_data_format GO_disp_update GO_online_reco
##$GO_reco_each_nr=No
##$GO_max_reco_mem=0
##$GO_time_est=Yes
##$GO_use_macro=No
$$ @vis= GO_reco_display GO_reco_each_nr GO_max_reco_mem GO_time_est
##$GO_macro=( 4096 )
<>
$$ @vis= GO_use_macro GO ACQP
##END=
