##TITLE=Parameter List
##JCAMPDX=4.24
##DATATYPE=Parameter Values
##ORIGIN=Bruker BioSpin MRI GmbH
##OWNER=mri
$$ Sun Mar 31 13:58:29 2019 CEST (UT+2h)  mri
$$ /BiospecData/data/mri/nmr/sp190331.Sz1/4/method
##$Method=RARE
##$PVM_EchoTime=12
##$EffectiveTE=( 1 )
36
##$PVM_RareFactor=8
##$PVM_RepetitionTime=4200
##$PVM_NAverages=4
$$ @vis= Method PVM_EchoTime EffectiveTE PVM_RareFactor PVM_RepetitionTime
##$PVM_NRepetitions=1
##$PVM_NEchoImages=1
##$PVM_ScanTimeStr=( 16 )
<0h6m43s200ms>
##$RfcFlipAngle=180
$$ @vis= PVM_NAverages PVM_NRepetitions PVM_NEchoImages PVM_ScanTimeStr
##$PVM_DeriveGains=Yes
##$PVM_SliceBandWidthScale=85
##$ExcPulseEnum=hermite
##$ExcPulse=(2.7, 2000, 90, 13.5943199314018, 100, 0, 100, LIB_EXCITATION, <
hermite.exc>, 5400, 0.1794, 50, 0.1024, conventional)
$$ @vis= RfcFlipAngle PVM_DeriveGains PVM_SliceBandWidthScale ExcPulseEnum
##$RefPulseEnum=hermite
##$RefPulse=(1.71, 2000, 180, 3.60636694278552, 100, 0, 100, LIB_REFOCUS, <
hermite.rfc>, 3420, 0.1794, 0, 0.1024, conventional)
##$PVM_GradCalConst=15530
##$PVM_Nucleus1Enum=1H
$$ @vis= ExcPulse RefPulseEnum RefPulse RF_Pulses PVM_GradCalConst
##$PVM_Nucleus1=( 8 )
<1H>
##$PVM_RefAttMod1=AutoAdj
##$PVM_RefAttCh1=19.8905958740606
##$PVM_RefAttStat1=( 1024 )
<Adj by AdjRefG (protocol ADJ_REFG)>
$$ @vis= PVM_Nucleus1Enum PVM_Nucleus1 PVM_RefAttMod1 PVM_RefAttCh1
##$PVM_Nucleus2Enum=1H
##$PVM_Nucleus3Enum=1H
##$PVM_Nucleus4Enum=1H
##$PVM_Nucleus5Enum=1H
##$PVM_Nucleus6Enum=1H
##$PVM_Nucleus7Enum=1H
##$PVM_Nucleus8Enum=1H
##$PVM_EncUseMultiRec=No
##$PVM_EncActReceivers=( 1 )
On
##$PVM_EncZfRead=1
##$PVM_EncPpiAccel1=1
$$ @vis= PVM_RefAttStat1 Nuclei PVM_EncUseMultiRec PVM_EncZfRead
##$PVM_EncPpiRefLines1=0
##$PVM_EncPftAccel1=1
##$PVM_EncZfAccel1=1.33
##$PVM_EncOrder1=LINEAR_ENC
##$PVM_EncStart1=-0.7
$$ @vis= PVM_EncPpiAccel1 PVM_EncPftAccel1 PVM_EncZfAccel1 PVM_EncOrder1
##$PVM_EncMatrix=( 2 )
256 192
##$PVM_EncSteps1=( 192 )
-60 -36 -12 12 36 60 84 -84 -59 -35 -11 13 37 61 85 -83 -58 -34 -10 14 38 62 
86 -82 -57 -33 -9 15 39 63 87 -81 -56 -32 -8 16 40 64 88 -80 -55 -31 -7 17 41 
65 89 -79 -54 -30 -6 18 42 66 90 -78 -53 -29 -5 19 43 67 91 -77 -52 -28 -4 20 
44 68 92 -76 -51 -27 -3 21 45 69 93 -75 -50 -26 -2 22 46 70 94 -74 -49 -25 -1 
23 47 71 95 -73 -48 -24 0 24 48 72 -96 -72 -47 -23 1 25 49 73 -95 -71 -46 -22 
2 26 50 74 -94 -70 -45 -21 3 27 51 75 -93 -69 -44 -20 4 28 52 76 -92 -68 -43 
-19 5 29 53 77 -91 -67 -42 -18 6 30 54 78 -90 -66 -41 -17 7 31 55 79 -89 -65 
-40 -16 8 32 56 80 -88 -64 -39 -15 9 33 57 81 -87 -63 -38 -14 10 34 58 82 -86 
-62 -37 -13 11 35 59 83 -85 -61
##$PVM_EncCentralStep1=3
##$PVM_EncTotalAccel=1.33333333333333
$$ @vis= PVM_EncStart1 PVM_EncMatrix PVM_EncSteps1 PVM_EncCentralStep1
##$PVM_EncNReceivers=1
##$PVM_EncAvailReceivers=4
##$PVM_EncChanScaling=( 1 )
1
$$ @vis= PVM_EncTotalAccel PVM_EncNReceivers PVM_EncAvailReceivers
##$PVM_OperationMode=( 64 )
<[1H] TX Volume, RX Surface>
##$PVM_EffSWh=46875
$$ @vis= PVM_EncChanScaling PVM_OperationMode Encoding_Output Encoding
##$PVM_ReadDephaseTime=1.6
##$PVM_2dPhaseGradientTime=1.2
##$PVM_MinEchoTime=11.0233333333333
$$ @vis= PVM_EffSWh PVM_ReadDephaseTime PVM_2dPhaseGradientTime
##$SliceSpoilerDuration=0.534
##$SliceSpoilerStrength=30
##$RepetitionSpoilerDuration=2
$$ @vis= PVM_MinEchoTime SliceSpoilerDuration SliceSpoilerStrength
##$RepetitionSpoilerStrength=30
##$PVM_DigAutSet=Yes
##$PVM_DigQuad=Yes
$$ @vis= RepetitionSpoilerDuration RepetitionSpoilerStrength PVM_DigAutSet
##$PVM_DigFilter=Digital_Sharp
##$PVM_DigRes=21
##$PVM_DigDw=0.0213333333333333
##$PVM_DigSw=46875
##$PVM_DigNp=256
##$PVM_DigShift=68
$$ @vis= PVM_DigQuad PVM_DigFilter PVM_DigRes PVM_DigDw PVM_DigSw PVM_DigNp
##$PVM_DigGroupDel=1.45066666666667
##$PVM_DigDur=5.46133333333333
##$PVM_DigEndDelMin=0.0499999999999998
##$PVM_DigEndDelOpt=0.1588
$$ @vis= PVM_DigShift PVM_DigGroupDel PVM_DigDur PVM_DigEndDelMin
##$PVM_GeoMode=GeoImaging
##$PVM_SpatDimEnum=2D
$$ @vis= PVM_DigEndDelOpt DigitizerPars Sequence_Details PVM_GeoMode
##$PVM_Isotropic=Isotropic_None
##$PVM_Fov=( 2 )
19.2 19.2
##$PVM_FovCm=( 2 )
1.92 1.92
##$PVM_SpatResol=( 2 )
0.075 0.075
##$PVM_Matrix=( 2 )
256 256
##$PVM_MinMatrix=( 2 )
32 32
$$ @vis= PVM_SpatDimEnum PVM_Isotropic PVM_Fov PVM_SpatResol PVM_Matrix
##$PVM_MaxMatrix=( 2 )
2048 2048
##$PVM_AntiAlias=( 2 )
1 1
##$PVM_MaxAntiAlias=( 2 )
2 8
$$ @vis= PVM_MinMatrix PVM_MaxMatrix PVM_AntiAlias PVM_MaxAntiAlias
##$PVM_SliceThick=0.5
##$PVM_ObjOrderScheme=Interlaced
##$PVM_ObjOrderList=( 10 )
0 2 4 6 8 1 3 5 7 9
$$ @vis= StandardInplaneGeometry PVM_SliceThick PVM_ObjOrderScheme
##$PVM_NSPacks=1
##$PVM_SPackArrNSlices=( 1 )
10
##$PVM_MajSliceOri=No
##$PVM_SPackArrSliceOrient=( 1 )
coronal
$$ @vis= PVM_ObjOrderList PVM_NSPacks PVM_SPackArrNSlices PVM_MajSliceOri
##$PVM_SPackArrReadOrient=( 1 )
H_F
##$PVM_SPackArrReadOffset=( 1 )
0
##$PVM_SPackArrPhase1Offset=( 1 )
0
$$ @vis= PVM_SPackArrSliceOrient PVM_SPackArrReadOrient PVM_SPackArrReadOffset
##$PVM_SPackArrPhase2Offset=( 1 )
0
##$PVM_SPackArrSliceOffset=( 1 )
0.6
##$PVM_SPackArrSliceGapMode=( 1 )
non_contiguous
$$ @vis= PVM_SPackArrPhase1Offset PVM_SPackArrSliceOffset
##$PVM_SPackArrSliceGap=( 1 )
0.1
##$PVM_SPackArrSliceDistance=( 1 )
0.6
$$ @vis= PVM_SPackArrSliceGapMode PVM_SPackArrSliceGap
##$PVM_SPackArrGradOrient=( 1, 3, 3 )
0 -0 1 1 0 -0 0 1 0
##$NDummyScans=2
##$PVM_TriggerModule=Off
$$ @vis= PVM_SPackArrSliceDistance StandardSliceGeometry NDummyScans
##$PVM_EvolutionOnOff=Off
##$PVM_SelIrOnOff=Off
##$PVM_BlBloodOnOff=Off
##$PVM_FatSupOnOff=On
$$ @vis= PVM_TriggerModule PVM_EvolutionOnOff PVM_SelIrOnOff PVM_BlBloodOnOff
##$PVM_FatSupprPulseEnum=gauss512
##$PVM_FatSupprPulse=(2.607, 1051.01649405447, 90, 20.5758182863135, 100, 0, 
100, LIB_EXCITATION, <gauss512.exc>, 2740, 0.4150688, 50, 0.0512, 
conventional)
##$PVM_FatSupDeriveGainMode=By_DeriveGains
$$ @vis= PVM_FatSupOnOff PVM_FatSupprPulseEnum PVM_FatSupprPulse
##$PVM_FatSupBandWidth=1051.01649405447
##$PVM_FatSupSpoilTime=2
##$PVM_FatSupSpoilGrad=20
$$ @vis= PVM_FatSupDeriveGainMode PVM_FatSupBandWidth PVM_FatSupSpoilTime
##$PVM_FatSupModuleTime=5.832
##$PVM_FatSupFL=( 1 )
-1051.16039787174
##$PVM_FsD0=0.000125
##$PVM_FsD1=2.5e-05
##$PVM_FsD2=0.002
##$PVM_FsP0=2607
##$PVM_MagTransOnOff=Off
$$ @vis= PVM_FatSupSpoilGrad PVM_FatSupModuleTime Fat_Sup_Parameters
##$PVM_FovSatOnOff=Off
##$PVM_FovSatNSlices=1
##$PVM_FovSatSliceOrient=( 1 )
sagittal
##$PVM_FovSatThick=( 1 )
0.450056257032129
##$PVM_FovSatOffset=( 1 )
0
##$PVM_FovSatSliceVec=( 1, 3 )
1 0 0
##$PVM_SatSlicesPulseEnum=hermite
##$PVM_SatSlicesPulse=(1, 5400, 90, 4.96704464822207, 100, 0, 100, 
LIB_EXCITATION, <hermite.exc>, 5400, 0.1794, 50, 0.1024, conventional)
##$PVM_SatSlicesDeriveGainMode=By_DeriveGains
##$PVM_FovSatSpoilTime=2
##$PVM_FovSatSpoilGrad=20
##$PVM_FovSatModuleTime=0
##$PVM_FovSatFL=( 1 )
0
##$PVM_SatD0=1e-06
##$PVM_SatD1=1e-06
##$PVM_SatD2=1e-06
##$PVM_SatP0=10
##$PVM_SatLp0=0
##$PVM_InFlowSatOnOff=Off
##$PVM_InFlowSatNSlices=1
##$PVM_InFlowSatThick=( 1 )
0
##$PVM_InFlowSatGap=( 1 )
0
##$PVM_InFlowSatSide=( 1 )
0
##$PVM_FlowSatPulse=(1, 0.001, 90, 30, 100, 0, 100, LIB_EXCITATION, <
hermite.exc>, 50, 0.001, 0, 0.002, conventional)
##$PVM_FlowSatDeriveGainMode=By_DeriveGains
##$PVM_InFlowSatSpoilTime=2
##$PVM_InFlowSatSpoilGrad=20
##$PVM_InFlowSatModuleTime=0
##$PVM_SfD0=1e-06
##$PVM_SfD1=1e-06
##$PVM_SfD2=1e-06
##$PVM_SfP0=10
##$PVM_SfLp0=0
##$PVM_MotionSupOnOff=Off
$$ @vis= PVM_MagTransOnOff PVM_FovSatOnOff PVM_InFlowSatOnOff
##$PVM_FlipBackOnOff=On
##$PVM_EchoTime1=36
##$PVM_EchoTime2=36
$$ @vis= PVM_MotionSupOnOff PVM_FlipBackOnOff Preparation PVM_EchoTime1
##$RECO_wordtype=_16BIT_SGN_INT
##$RECO_map_mode=PERCENTILE_MAPPING
##$RECO_map_percentile=( 2 )
1 99.999
##$RECO_map_error=0.00025
$$ @vis= PVM_EchoTime2 RECO_wordtype RECO_map_mode RECO_map_percentile
##$RECO_map_range=( 2 )
-2147483647 2147483647
$$ @vis= RECO_map_error Method_RecoOptions MethodClass
##END=
