##TITLE=Parameter List
##JCAMPDX=4.24
##DATATYPE=Parameter Values
##ORIGIN=Bruker BioSpin MRI GmbH
##OWNER=mri
$$ Fri Mar 23 19:22:33 2018 CET (UT+1h)  mri
$$ /BiospecData/data/mri/nmr/lsp180323.Mx1/32/pdata/1/visu_pars
##$VisuVersion=1
##$VisuUid=( 65 )
<2.16.756.5.5.100.1839078967.20384.1521829352.1>
##$VisuCreator=( 65 )
<ParaVision>
##$VisuCreatorVersion=( 65 )
<5.1>
##$VisuCreationDate=( 21 )
<19:01:00 23 Mar 2018>
$$ @vis= VisuVersion VisuUid VisuCreator VisuCreatorVersion VisuCreationDate
##$VisuCoreFrameCount=1
##$VisuCoreDim=3
##$VisuCoreSize=( 3 )
2048 32 32
##$VisuCoreDimDesc=( 3 )
spectroscopic spatial spatial
$$ @vis= VisuInstance VisuCoreFrameCount VisuCoreDim VisuCoreSize
##$VisuCoreExtent=( 3 )
13.3398163177309 17.6 17.6
##$VisuCoreFrameThickness=( 1 )
1
##$VisuCoreUnits=( 3, 65 )
<ppm> <mm> <mm>
##$VisuCoreOrientation=( 1, 9 )
1 0 0 0 0 -1 0 1 0
$$ @vis= VisuCoreDimDesc VisuCoreExtent VisuCoreFrameThickness VisuCoreUnits
##$VisuCorePosition=( 1, 3 )
-8 1.2 9.6
##$VisuCoreDataMin=( 1 )
64813
##$VisuCoreDataMax=( 1 )
2147483392
##$VisuCoreDataOffs=( 1 )
0
$$ @vis= VisuCoreOrientation VisuCorePosition VisuCoreDataMin VisuCoreDataMax
##$VisuCoreDataSlope=( 1 )
0.00280807572000859
##$VisuCoreFrameType=MAGNITUDE_IMAGE
##$VisuCoreWordType=_32BIT_SGN_INT
$$ @vis= VisuCoreDataOffs VisuCoreDataSlope VisuCoreFrameType VisuCore
##$VisuCoreByteOrder=littleEndian
##$VisuSubjectName=( 65 )
<Pilar>
$$ @vis= VisuCoreWordType VisuCoreByteOrder VisuPixel VisuFrameOrderDesc
##$VisuSubjectId=( 65 )
<lsp180323>
##$VisuSubjectBirthDate=( 9 )
<>
##$VisuSubjectSex=FEMALE
##$VisuSubjectComment=( 2048 )
<>
$$ @vis= VisuSubjectName VisuSubjectId VisuSubjectBirthDate VisuSubjectSex
##$VisuStudyUid=( 65 )
<2.16.756.5.5.100.1839078967.1418.1521817648.5781>
##$VisuStudyDate=( 21 )
<16:07:28 23 Mar 2018>
##$VisuStudyId=( 65 )
<C1270_Day21>
##$VisuStudyNumber=1
$$ @vis= VisuSubjectComment VisuSubject VisuStudyUid VisuStudyDate VisuStudyId
##$VisuSubjectWeight=5
##$VisuStudyReferringPhysician=( 65 )
<>
##$VisuStudyDescription=( 65 )
<>
$$ @vis= VisuStudyNumber VisuSubjectWeight VisuStudyReferringPhysician
##$VisuSeriesNumber=2097153
##$VisuSubjectPosition=Head_Supine
##$VisuSeriesTypeId=( 65 )
<ACQ_BRUKER_PVM>
$$ @vis= VisuStudyDescription VisuStudy VisuSeriesNumber VisuSubjectPosition
##$VisuAcqSoftwareVersion=( 65 )
<5.1>
##$VisuInstitution=( 65 )
<UAB>
##$VisuStation=( 65 )
<BioSpec 70/30>
$$ @vis= VisuSeriesTypeId VisuSeries VisuAcqSoftwareVersion VisuInstitution
##$VisuAcqDate=( 21 )
<19:01:00 23 Mar 2018>
##$VisuAcqEchoTrainLength=1
##$VisuAcqSequenceName=( 40 )
<CSI (pvm)>
$$ @vis= VisuStation VisuEquipment VisuAcqDate VisuAcqEchoTrainLength
##$VisuAcqNumberOfAverages=1
##$VisuAcqImagingFrequency=300.334739323589
##$VisuAcqImagedNucleus=( 8 )
<1H>
$$ @vis= VisuAcqSequenceName VisuAcqNumberOfAverages VisuAcqImagingFrequency
##$VisuAcqRepetitionTime=( 1 )
2500
##$VisuAcqPhaseEncSteps=13
##$VisuAcqPixelBandwidth=1.95625500801282
$$ @vis= VisuAcqImagedNucleus VisuAcqRepetitionTime VisuAcqPhaseEncSteps
##$VisuAcqFlipAngle=90
##$VisuAcqSize=( 3 )
2048 13 13
##$VisuAcqImageSizeAccellerated=No
$$ @vis= VisuAcqPixelBandwidth VisuAcqFlipAngle VisuAcqSize
##$VisuAcqImagePhaseEncDir=( 1 )
row_col_dir
##$VisuAcquisitionProtocol=( 65 )
<ppCSI_14ms_01_vox12x12_Pixelstardard550micras>
$$ @vis= VisuAcqImageSizeAccellerated VisuAcqImagePhaseEncDir
##$VisuAcqScanTime=1290000
$$ @vis= VisuAcquisitionProtocol VisuAcqScanTime VisuAcquisition Visu
##END=
