##TITLE=Parameter List
##JCAMPDX=4.24
##DATATYPE=Parameter Values
##ORIGIN=Bruker BioSpin MRI GmbH
##OWNER=mri
$$ Mon Mar  4 14:17:54 2019 CET (UT+1h)  mri
$$ /BiospecData/data/mri/nmr/sp190304.S82/14/acqp
##$PULPROG=( 32 )
<CSI.ppg>
##$GRDPROG=( 16 )
<\
>
##$ACQ_experiment_mode=SingleExperiment
##$ACQ_user_filter=Yes
##$ACQ_user_filter_name=( 16 )
<csi_filterAU>
$$ @vis= PULPROG GRDPROG ACQ_experiment_mode ACQ_user_filter
##$ACQ_user_filter_setup_name=( 3, 16 )
<> <> <>
##$ACQ_user_filter_memory=For_one_PE_step
$$ @vis= ACQ_user_filter_name ACQ_user_filter_setup_name
##$ACQ_user_filter_mode=Special
##$ACQ_user_filter_size=( 3 )
4096 512 0
##$ACQ_user_filter_setup_size=( 3 )
1 0 0
$$ @vis= ACQ_user_filter_memory ACQ_user_filter_mode ACQ_user_filter_size
##$ACQ_DS_enabled=Yes
##$ACQ_switch_pll_enabled=No
##$ACQ_preload=0
$$ @vis= ACQ_user_filter_setup_size ACQ_DS_enabled ACQ_switch_pll_enabled
##$ACQ_dim=3
##$ACQ_dim_desc=( 3 )
Spectroscopic Spatial Spatial
##$ACQ_size=( 3 )
4096 13 13
##$ACQ_ns_list_size=1
##$ACQ_ns=1
##$ACQ_phase_factor=1
$$ @vis= ACQ_preload ACQ_dim ACQ_dim_desc ACQ_size ACQ_ns_list_size ACQ_ns
##$ACQ_scan_size=One_scan
##$NI=1
##$NA=1
##$NAE=1
##$NR=1
##$DS=4
##$D=( 64 )
1.3232481 0.0008 0.004467 0.0011 0.000267 0.000733 0 0 0.0001 0 0 0 0 0 0 0 0 
0 0 0 0.000733 0 0 0 0 0 0 0 0 0 0 0 0 0 0 0 0 0 0 0 0 0 0 0 0 0 0 0 0 0 0 0 
0 0 0 0 0 0 0 0 0 0 0 0
##$P=( 64 )
600 600 600 0 0 0 0 0 0 0 0 0 0 0 0 0 0 0 0 0 0 0 0 0 0 0 0 0 0 0 0 0 0 0 0 0 
0 0 0 0 0 0 0 0 0 0 0 0 0 0 0 0 0 0 0 0 0 0 0 0 0 0 0 0
##$PL=( 64 )
0 120 0 0 0 0 0 0 0 0 0 0 0 0 0 0 0 0 0 0 0 0 0 0 0 0 0 0 0 0 0 0 0 0 0 0 0 0 
0 0 0 0 0 0 0 0 0 0 0 0 0 0 0 0 0 0 0 0 0 0 0 0 0 0
##$TPQQ=( 16 )
(<hermite.exc>, 0.47932390572124, 0) (<hermite.rfc>, -5.3217156169296, 0) (<
hermite.rfc>, -5.3217156169296, 0) (<>, 30, 0) (<hermite.exc>, 37.4, 0) (<
hermite.inv>, 27.4, 0) (<>, 30, 0) (<>, 30, 0) (<>, 30, 0) (<>, 30, 0) (<>, 
30, 0) (<>, 30, 0) (<>, 30, 0) (<>, 30, 0) (<>, 30, 0) (<>, 30, 0)
##$DPQQ=( 16 )
(<>, 50, 0) (<>, 30, 0) (<>, 30, 0) (<>, 30, 0) (<>, 30, 0) (<>, 30, 0) (<>, 
30, 0) (<>, 30, 0) (<>, 30, 0) (<sech.exc>, 0.380951820213215, 0) (<>, 30, 0) 
(<>, 30, 0) (<>, 30, 0) (<>, 30, 0) (<>, 30, 0) (<>, 30, 0)
##$SW_h=4006.41025641026
##$SW=13.3400193197174
$$ @vis= ACQ_phase_factor ACQ_scan_size NI NA NAE NR DS D P PL TPQQ DPQQ SW_h
##$FW=0
##$RG=101
##$AQ_mod=qdig
##$DR=23
##$PAPS=QP
##$PH_ref=0
##$ACQ_BF_enable=Yes
##$BF1=300.330168974232
##$SFO1=300.330168974232
##$O1=0
##$ACQ_O1_list_size=3
$$ @vis= SW RG AQ_mod DR PAPS PH_ref ACQ_BF_enable BF1 SFO1 O1
##$ACQ_O1_list=( 3 )
7200 1658.18181818182 207.272727272727
##$ACQ_O1B_list_size=1
##$ACQ_O1B_list=( 1 )
0
##$BF2=300.3
##$SFO2=300.3
##$O2=0
$$ @vis= ACQ_O1_list_size ACQ_O1_list ACQ_O1B_list_size ACQ_O1B_list BF2 SFO2
##$ACQ_O2_list_size=1
##$ACQ_O2_list=( 1 )
4560
##$BF3=300.3
##$SFO3=300.3
##$O3=0
##$ACQ_O3_list_size=1
##$ACQ_O3_list=( 1 )
0
$$ @vis= O2 ACQ_O2_list_size ACQ_O2_list BF3 SFO3 O3 ACQ_O3_list_size
##$BF4=300.3
##$SFO4=300.3
##$O4=0
##$BF5=300.3
##$SFO5=300.3
##$O5=0
##$BF6=300.3
##$SFO6=300.3
##$O6=0
##$BF7=300.3
##$SFO7=300.3
##$O7=0
##$BF8=300.3
##$SFO8=300.3
##$O8=0
$$ @vis= ACQ_O3_list BF4 SFO4 O4 BF5 SFO5 O5 BF6 SFO6 O6 BF7 SFO7 O7 BF8 SFO8
##$NUC1=( 8 )
<1H>
##$NUC2=( 8 )
<off>
##$NUC3=( 8 )
<off>
##$NUC4=( 8 )
<off>
##$NUC5=( 8 )
<off>
##$NUC6=( 8 )
<off>
##$NUC7=( 8 )
<off>
##$NUC8=( 8 )
<off>
##$NUCLEUS=( 8 )
<1H>
##$ACQ_coil_config_file=( 512 )
<Default_Transceiver_1H_1000W_CrossCoil>
$$ @vis= O8 NUC1 NUC2 NUC3 NUC4 NUC5 NUC6 NUC7 NUC8 NUCLEUS
##$ACQ_coils=( 4 )
(<Generic 1H Resonator>, <unknown>, <unknown>, <unknown>, 0, VolumeCoil, 300, 
0, 1, 0) (<Generic 1H Surface Receive Coil>, <unknown>, <unknown>, <unknown>, 
0, SurfaceCoil, 300, 0, 1, 0) (<>, <>, <>, <>, 0, NoCoil, 0, 0, 0, 0) (<>, <>,
 <>, <>, 0, NoCoil, 0, 0, 0, 0)
##$ACQ_coil_elements=( 2 )
(0, 3, -1, 1, 0, 0, 0, 0, 0, 0, <1H>, 0, noPin, preamp_probe, 1, 0, 0, 
voltageMode, hardwareCoded, -36, 0, 0, 0) (1, 2, -1, 1, 0, 0, 0, 0, 0, 0, <1H
>, 0, noPin, preamp_probe, 2, 0, 0, voltageMode, hardwareCoded, -36, 0, 0, 0)
##$ACQ_operation_mode=( 64 )
<[1H] TX Volume, RX Surface>
##$ACQ_Routing=RouteDefinedByCoil
##$ACQ_vd_list_size=1
$$ @vis= ACQ_coil_config_file ACQ_coils ACQ_coil_elements ACQ_operation_mode
##$ACQ_vd_list=( 1 )
1e-06
##$ACQ_vp_list_size=1
##$ACQ_vp_list=( 1 )
1e-06
##$ACQ_status=( 20 )
<S116>
##$ACQ_Routing_base=( 128 )
<1H>
##$ACQ_protocol_location=( 64 )
<S_Arus_Nuria>
$$ @vis= ACQ_vd_list_size ACQ_vd_list ACQ_vp_list_size ACQ_vp_list ACQ_status
##$ACQ_protocol_name=( 64 )
<PV51_CSI_14ms>
##$ACQ_scan_name=( 64 )
<PV51_CSI_14ms>
##$ACQ_method=( 20 )
<CSI>
##$ACQ_completed=Yes
$$ @vis= ACQ_protocol_location ACQ_protocol_name ACQ_scan_name ACQ_method
##$ACQ_pipe_status=Proc
##$ACQ_scans_completed=0
##$ACQ_nr_completed=1
##$ACQ_total_completed=169
$$ @vis= ACQ_completed ACQ_pipe_status ACQ_scans_completed ACQ_nr_completed
##$ACQ_word_size=_32_BIT
##$ACQ_n_echo_images=1
##$ACQ_n_movie_frames=1
$$ @vis= ACQ_total_completed ACQ_word_size ACQ_n_echo_images
##$ACQ_echo_descr=( 1, 20 )
<>
##$ACQ_movie_descr=( 1, 20 )
<>
##$ACQ_fov=( 3 )
1.76 1.76 1.76
##$ACQ_read_ext=1
$$ @vis= ACQ_n_movie_frames ACQ_echo_descr ACQ_movie_descr ACQ_fov
##$ACQ_slice_angle=( 1 )
0
##$ACQ_slice_orient=Arbitrary_Oblique
##$ACQ_patient_pos=Head_Supine
##$ACQ_read_offset=( 1 )
0.2
$$ @vis= ACQ_read_ext ACQ_slice_angle ACQ_slice_orient ACQ_patient_pos
##$ACQ_phase1_offset=( 1 )
1.6
##$ACQ_phase2_offset=( 1 )
0
##$ACQ_slice_sepn=( 1 )
1
##$ACQ_slice_sepn_mode=Contiguous
$$ @vis= ACQ_read_offset ACQ_phase1_offset ACQ_phase2_offset ACQ_slice_sepn
##$ACQ_slice_thick=1
##$ACQ_slice_offset=( 1 )
0.8
##$ACQ_obj_order=( 1 )
0
##$ACQ_flip_angle=90
$$ @vis= ACQ_slice_sepn_mode ACQ_slice_thick ACQ_slice_offset ACQ_obj_order
##$ACQ_flipback=No
##$ACQ_inter_echo_time=( 1 )
14
##$ACQ_recov_time=( 1 )
2492.7
##$ACQ_repetition_time=( 1 )
2500
$$ @vis= ACQ_flip_angle ACQ_flipback ACQ_inter_echo_time ACQ_recov_time
##$ACQ_scan_time=0
##$ACQ_inversion_time=( 1 )
0
##$ACQ_temporal_delay=( 1 )
0
$$ @vis= ACQ_repetition_time ACQ_scan_time ACQ_inversion_time
##$ACQ_time=( 24 )
<13:56:23  4 Mar 2019>
##$ACQ_abs_time=1551704183
##$ACQ_operator=( 16 )
<mri>
##$ACQ_RF_power=0
##$ACQ_transmitter_coil=( 16 )
<>
$$ @vis= ACQ_temporal_delay ACQ_time ACQ_abs_time ACQ_operator ACQ_RF_power
##$ACQ_contrast_agent=( 20 )
<>
##$ACQ_trigger_enable=No
##$ACQ_trigger_reference=( 16 )
<>
$$ @vis= ACQ_transmitter_coil ACQ_contrast_agent ACQ_trigger_enable
##$ACQ_institution=( 48 )
<UAB>
##$ACQ_station=( 64 )
<BioSpec 70/30>
##$ACQ_sw_version=( 65 )
<PV 5.1>
##$ACQ_calib_date=( 24 )
<14:05:49 31 Oct 2012>
$$ @vis= ACQ_trigger_reference ACQ_institution ACQ_station ACQ_sw_version
##$ACQ_grad_str_X=0
##$ACQ_grad_str_Y=0
##$ACQ_grad_str_Z=0
##$ACQ_position_X=0
$$ @vis= ACQ_calib_date ACQ_grad_str_X ACQ_grad_str_Y ACQ_grad_str_Z
##$ACQ_position_Y=0
##$ACQ_position_Z=0
##$BYTORDA=little
##$INSTRUM=( 64 )
<spect>
##$ACQ_adc_overflow=( 4 )
No No No No
$$ @vis= ACQ_position_X ACQ_position_Y ACQ_position_Z BYTORDA INSTRUM
##$GRPDLY=67.9843139648438
##$FRQLO3=1246979.46326802
##$FQ1LIST=( 16 )
<ACQ_O1_list>
##$FQ2LIST=( 16 )
<ACQ_O2_list>
##$FQ3LIST=( 16 )
<ACQ_O3_list>
##$FQ8LIST=( 16 )
<ACQ_O1B_list>
$$ @vis= ACQ_adc_overflow GRPDLY FRQLO3 ACQ_INFO FQ1LIST FQ2LIST FQ3LIST
##$SP=( 32 )
0.47932390572124 -5.3217156169296 -5.3217156169296 30 37.4 27.4 30 30 50 30 
30 30 30 30 30 30 30 30 30 30 30 30 30 30 30 0.380951820213215 30 30 30 30 30 
30
##$SPOFFS=( 32 )
0 0 0 0 0 0 0 0 0 0 0 0 0 0 0 0 0 0 0 0 0 0 0 0 0 0 0 0 0 0 0 0
##$SPNAM0=( 16 )
<hermite.exc>
##$SPNAM1=( 16 )
<hermite.rfc>
##$SPNAM2=( 16 )
<hermite.rfc>
##$SPNAM3=( 16 )
<>
##$SPNAM4=( 16 )
<hermite.exc>
##$SPNAM5=( 16 )
<hermite.inv>
##$SPNAM6=( 16 )
<>
##$SPNAM7=( 16 )
<>
$$ @vis= FQ8LIST SP SPOFFS SPNAM0 SPNAM1 SPNAM2 SPNAM3 SPNAM4 SPNAM5 SPNAM6
##$SPNAM8=( 16 )
<>
##$SPNAM9=( 16 )
<>
##$SPNAM10=( 16 )
<>
##$SPNAM11=( 16 )
<>
##$SPNAM12=( 16 )
<>
##$SPNAM13=( 16 )
<>
##$SPNAM14=( 16 )
<>
##$SPNAM15=( 16 )
<>
##$HPPRGN=normal
$$ @vis= SPNAM7 SPNAM8 SPNAM9 SPNAM10 SPNAM11 SPNAM12 SPNAM13 SPNAM14 SPNAM15
##$LOCNUC=( 8 )
<off>
##$QNP=1
##$SOLVENT=( 16 )
<>
##$DIGMOD=digital_mode
##$DIGTYP=DRU
##$DQDMODE=DQDMODE_add
##$DSPFIRM=DSP_standard
##$DECIM=4992
##$DSPFVS=20
$$ @vis= HPPRGN LOCNUC QNP SOLVENT HIRES DIGMOD DIGTYP DQDMODE DSPFIRM DECIM
##$ACQ_scan_shift=0
##$DEOSC=512180.8
##$DE=6
##$FCUCHAN=( 10 )
0 2 0 0 0 0 0 0 0 0
##$RSEL=( 10 )
0 0 2 0 0 0 0 0 0 0
##$SWIBOX=( 16 )
0 0 2 0 0 0 0 0 0 0 0 0 0 0 0 0
##$POWMOD=HIGH
##$HPMOD=( 8 )
0 0 1 0 0 0 0 0
##$PRECHAN=( 16 )
-1 -1 1 -1 -1 -1 -1 -1 -1 -1 -1 -1 -1 -1 -1 -1
$$ @vis= DSPFVS ACQ_scan_shift DEOSC DE FCUCHAN RSEL SWIBOX POWMOD HPMOD
##$OBSCHAN=( 10 )
0 1 0 0 0 0 0 0 0 0
##$RECCHAN=( 16 )
0 2 0 0 0 0 0 0 0 0 0 0 0 0 0 0
##$RECSEL=( 16 )
0 0 2 0 0 0 0 0 0 0 0 0 0 0 0 0
##$RECPRE=( 16 )
-1 -1 2 -1 -1 -1 -1 -1 -1 -1 -1 -1 -1 -1 -1 -1
##$NLOGCH=0
##$ACQ_n_trim=13
##$ACQ_trim=( 13, 3 )
57.9523502897618 57.9523502897618 57.9523502897618 -34.2733203964689 
-34.2733203964689 -34.2733203964689 100 100 100 100 100 100 100 100 100 
6.67330094245741 6.67330094245741 6.67330094245741 6.67330094245741 
6.67330094245741 6.67330094245741 22.2266796035311 22.2266796035311 
22.2266796035311 56.5 56.5 56.5 0 0 0 0 0 0 0 0 0 0 0 0
$$ @vis= PRECHAN OBSCHAN RECCHAN RECSEL RECPRE NLOGCH AVANCE_PARS ACQ_n_trim
##$ACQ_scaling_read=1
##$ACQ_scaling_phase=1
##$ACQ_scaling_slice=1
$$ @vis= ACQ_trim ACQ_trim_values ACQ_scaling_read ACQ_scaling_phase
##$ACQ_grad_matrix=( 1, 3, 3 )
1 0 0 0 0 1 0 1 0
##$NSLICES=1
##$ACQ_rare_factor=1
##$ACQ_phase_encoding_mode=( 3 )
Linear Linear Linear
$$ @vis= ACQ_scaling_slice ACQ_grad_matrix NSLICES ACQ_rare_factor
##$ACQ_phase_enc_start=( 3 )
-1 -1 -1
##$GS_dim=1
##$GS_disp_update=Each_Accum
$$ @vis= ACQ_phase_encoding_mode ACQ_phase_enc_start GRAD_PARS GS_dim
##$GS_online_reco=Yes
##$GS_reco_display=Yes
##$GS_image_type=MAGNITUDE_IMAGE
##$GS_typ=Spectrometer_Parameters
##$GS_info_dig_filling=Yes
$$ @vis= GS_disp_update GS_online_reco GS_reco_display GS_image_type GS_typ
##$GS_info_normalized_area=No_info
##$GS_info_max_point=No_info
##$GS_get_info_points=No_info
$$ @vis= GS_info_dig_filling GS_info_normalized_area GS_info_max_point
##$GS_continue=Exit_gsauto
##$GO_init_files=No
##$GO_data_save=Yes
##$GO_block_size=Standard_KBlock_Format
$$ @vis= GS_get_info_points GS_continue GS GO_init_files GO_data_save
##$GO_raw_data_format=GO_32BIT_SGN_INT
##$GO_disp_update=Each_Accum
##$GO_online_reco=Yes
##$GO_reco_display=Yes
$$ @vis= GO_block_size GO_raw_data_format GO_disp_update GO_online_reco
##$GO_reco_each_nr=No
##$GO_max_reco_mem=0
##$GO_time_est=Yes
##$GO_use_macro=No
$$ @vis= GO_reco_display GO_reco_each_nr GO_max_reco_mem GO_time_est
##$GO_macro=( 4096 )
<>
$$ @vis= GO_use_macro GO ACQP
##END=
